{
	"Modality": "MR",
	"MagneticFieldStrength": 3,
	"ImagingFrequency": 123.260243,
	"Manufacturer": "Siemens",
	"ManufacturersModelName": "Skyra",
	"InstitutionName": "Azienda Ospedaliera San Giovanni",
	"InstitutionalDepartmentName": "Department",
	"InstitutionAddress": "Via san Leonardo StreetNo,Salerno,District,IT,84100",
	"DeviceSerialNumber": "45908",
	"StationName": "AWP45908",
	"BodyPartExamined": "HEAD",
	"PatientPosition": "HFS",
	"ProcedureStepDescription": "ENCEFALO^RICERCA",
	"SoftwareVersions": "syngo MR E11",
	"MRAcquisitionType": "2D",
	"SeriesDescription": "DTI_dir64_PA",
	"ProtocolName": "DTI_dir64_PA",
	"ScanningSequence": "EP",
	"SequenceVariant": "SK\\SS",
	"ScanOptions": "PFP\\FS",
	"SequenceName": "ep_b0",
	"ImageType": ["ORIGINAL", "PRIMARY", "DIFFUSION", "NONE", "MB", "ND"],
	"NonlinearGradientCorrection": false,
	"SeriesNumber": 29,
	"AcquisitionTime": "16:28:32.640000",
	"AcquisitionNumber": 1,
	"ImageComments": "Unaliased MB2/PE4/LB",
	"SliceThickness": 2,
	"SpacingBetweenSlices": 2,
	"SAR": 0.216594,
	"EchoTime": 0.0906,
	"RepetitionTime": 4.71,
	"FlipAngle": 90,
	"PartialFourier": 0.75,
	"BaseResolution": 128,
	"ShimSetting": [
		8633,
		8899,
		7217,
		236,
		-495,
		-497,
		332,
		68	],
	"DiffusionScheme": "Bipolar",
	"TxRefAmp": 357.518,
	"PhaseResolution": 1,
	"ReceiveCoilName": "HeadNeck_16",
	"ReceiveCoilActiveElements": "H1U;H2L",
	"PulseSequenceDetails": "%CustomerSeq%\\cmrr_mbep2d_diff",
	"WipMemBlock": "d6299461-eb64-4739-b18e-16fc8eb1dc22||Sequence: R016 ve11a/master r/fdfe5be5; Nov 27 2017 15:52:35 by eja",
	"RefLinesPE": 24,
	"CoilCombinationMethod": "Sum of Squares",
	"ConsistencyInfo": "N4_VE11A_LATEST_20140830",
	"MatrixCoilMode": "GRAPPA",
	"MultibandAccelerationFactor": 2,
	"PercentPhaseFOV": 100,
	"PercentSampling": 100,
	"EchoTrainLength": 47,
	"PhaseEncodingSteps": 95,
	"AcquisitionMatrixPE": 128,
	"ReconMatrixPE": 128,
	"BandwidthPerPixelPhaseEncode": 20.833,
	"ParallelReductionFactorInPlane": 2,
	"EffectiveEchoSpacing": 0.000375006,
	"DerivedVendorReportedEchoSpacing": 0.000750012,
	"TotalReadoutTime": 0.0476258,
	"PixelBandwidth": 1500,
	"DwellTime": 2.6e-06,
	"PhaseEncodingDirection": "j",
	"SliceTiming": [
		0,
		2.21875,
		4.42188,
		1.95312,
		4.17188,
		1.6875,
		3.90625,
		1.4375,
		3.64062,
		1.17188,
		3.39062,
		0.90625,
		3.125,
		0.65625,
		2.85938,
		0.39062,
		2.60938,
		0.125,
		2.34375,
		4.5625,
		2.07812,
		4.29688,
		1.82812,
		4.03125,
		1.5625,
		3.78125,
		1.29688,
		3.51562,
		1.04688,
		3.25,
		0.78125,
		3,
		0.51562,
		2.73438,
		0.26562,
		2.46875,
		0,
		2.21875,
		4.42188,
		1.95312,
		4.17188,
		1.6875,
		3.90625,
		1.4375,
		3.64062,
		1.17188,
		3.39062,
		0.90625,
		3.125,
		0.65625,
		2.85938,
		0.39062,
		2.60938,
		0.125,
		2.34375,
		4.5625,
		2.07812,
		4.29688,
		1.82812,
		4.03125,
		1.5625,
		3.78125,
		1.29688,
		3.51562,
		1.04688,
		3.25,
		0.78125,
		3,
		0.51562,
		2.73438,
		0.26562,
		2.46875	],
	"ImageOrientationPatientDICOM": [
		0.998023,
		0.0563592,
		0.0278032,
		-0.0557982,
		0.99823,
		-0.020557	],
	"ImageOrientationText": "Tra>Sag(1.7)>Cor(-1.1)",
	"InPlanePhaseEncodingDirectionDICOM": "COL",
	"BidsGuess": ["dwi","_acq-epb0p2_dir-PA_run-29_dwi"],
	"ConversionSoftware": "dcm2niix",
	"ConversionSoftwareVersion": "v1.0.20240202"
}
