{
	"Modality": "MR",
	"MagneticFieldStrength": 3,
	"ImagingFrequency": 123.260401,
	"Manufacturer": "Siemens",
	"ManufacturersModelName": "Skyra",
	"InstitutionName": "Azienda Ospedaliera San Giovanni",
	"InstitutionalDepartmentName": "Department",
	"InstitutionAddress": "Via san Leonardo StreetNo,Salerno,District,IT,84100",
	"DeviceSerialNumber": "45908",
	"StationName": "AWP45908",
	"BodyPartExamined": "HEAD",
	"PatientPosition": "HFS",
	"ProcedureStepDescription": "ENCEFALO^RICERCA",
	"SoftwareVersions": "syngo MR E11",
	"MRAcquisitionType": "2D",
	"SeriesDescription": "DTI_dir64_PA",
	"ProtocolName": "DTI_dir64_PA",
	"ScanningSequence": "EP",
	"SequenceVariant": "SK\\SS",
	"ScanOptions": "PFP\\FS",
	"SequenceName": "ep_b0",
	"ImageType": ["ORIGINAL", "PRIMARY", "DIFFUSION", "NONE", "MB", "ND"],
	"NonlinearGradientCorrection": false,
	"SeriesNumber": 29,
	"AcquisitionTime": "16:08:18.657500",
	"AcquisitionNumber": 1,
	"ImageComments": "Unaliased MB2/PE4/LB",
	"SliceThickness": 2,
	"SpacingBetweenSlices": 2,
	"SAR": 0.256249,
	"EchoTime": 0.0906,
	"RepetitionTime": 4.71,
	"FlipAngle": 90,
	"PartialFourier": 0.75,
	"BaseResolution": 128,
	"ShimSetting": [
		8712,
		8816,
		7313,
		406,
		-813,
		-538,
		456,
		-95	],
	"DiffusionScheme": "Bipolar",
	"TxRefAmp": 337.146,
	"PhaseResolution": 1,
	"ReceiveCoilName": "HeadNeck_16",
	"ReceiveCoilActiveElements": "H1U;H2L;N1U;N2L",
	"PulseSequenceDetails": "%CustomerSeq%\\cmrr_mbep2d_diff",
	"WipMemBlock": "8ee443a1-5870-4d7d-a3ed-f8d7933a58db||Sequence: ve11a/master r/5a7612f; Mar  3 2017 11:48:10 by eja",
	"RefLinesPE": 24,
	"CoilCombinationMethod": "Sum of Squares",
	"ConsistencyInfo": "N4_VE11A_LATEST_20140830",
	"MatrixCoilMode": "GRAPPA",
	"MultibandAccelerationFactor": 2,
	"PercentPhaseFOV": 100,
	"PercentSampling": 100,
	"EchoTrainLength": 47,
	"PhaseEncodingSteps": 95,
	"AcquisitionMatrixPE": 128,
	"ReconMatrixPE": 128,
	"BandwidthPerPixelPhaseEncode": 20.833,
	"ParallelReductionFactorInPlane": 2,
	"EffectiveEchoSpacing": 0.000375006,
	"DerivedVendorReportedEchoSpacing": 0.000750012,
	"TotalReadoutTime": 0.0476258,
	"PixelBandwidth": 1500,
	"DwellTime": 2.6e-06,
	"PhaseEncodingDirection": "j",
	"SliceTiming": [
		0,
		2.21875,
		4.4375,
		1.95312,
		4.17188,
		1.6875,
		3.90625,
		1.4375,
		3.65625,
		1.17188,
		3.39062,
		0.90625,
		3.125,
		0.65625,
		2.85938,
		0.39062,
		2.60938,
		0.125,
		2.34375,
		4.5625,
		2.09375,
		4.29688,
		1.82812,
		4.03125,
		1.5625,
		3.78125,
		1.29688,
		3.51562,
		1.04688,
		3.26562,
		0.78125,
		3,
		0.51562,
		2.73438,
		0.26562,
		2.46875,
		0,
		2.21875,
		4.4375,
		1.95312,
		4.17188,
		1.6875,
		3.90625,
		1.4375,
		3.65625,
		1.17188,
		3.39062,
		0.90625,
		3.125,
		0.65625,
		2.85938,
		0.39062,
		2.60938,
		0.125,
		2.34375,
		4.5625,
		2.09375,
		4.29688,
		1.82812,
		4.03125,
		1.5625,
		3.78125,
		1.29688,
		3.51562,
		1.04688,
		3.26562,
		0.78125,
		3,
		0.51562,
		2.73438,
		0.26562,
		2.46875	],
	"ImageOrientationPatientDICOM": [
		0.975536,
		0.100089,
		0.195735,
		-0.1077,
		0.993772,
		0.0286089	],
	"ImageOrientationText": "Tra>Sag(11.1)>Cor(2.8)",
	"InPlanePhaseEncodingDirectionDICOM": "COL",
	"BidsGuess": ["dwi","_acq-epb0p2_dir-PA_run-29_dwi"],
	"ConversionSoftware": "dcm2niix",
	"ConversionSoftwareVersion": "v1.0.20240202"
}
