{
	"Modality": "MR",
	"MagneticFieldStrength": 3,
	"ImagingFrequency": 123.260399,
	"Manufacturer": "Siemens",
	"ManufacturersModelName": "Skyra",
	"InstitutionName": "Azienda Ospedaliera San Giovanni",
	"InstitutionalDepartmentName": "Department",
	"InstitutionAddress": "Via san Leonardo StreetNo,Salerno,District,IT,84100",
	"DeviceSerialNumber": "45908",
	"StationName": "AWP45908",
	"BodyPartExamined": "HEAD",
	"PatientPosition": "HFS",
	"ProcedureStepDescription": "ENCEFALO^RICERCA",
	"SoftwareVersions": "syngo MR E11",
	"MRAcquisitionType": "2D",
	"SeriesDescription": "DTI_dir64",
	"ProtocolName": "DTI_dir64",
	"ScanningSequence": "EP",
	"SequenceVariant": "SK\\SS",
	"ScanOptions": "PFP\\FS",
	"SequenceName": "ep_b0",
	"ImageType": ["ORIGINAL", "PRIMARY", "DIFFUSION", "NONE", "MB", "ND", "MOSAIC"],
	"NonlinearGradientCorrection": false,
	"SeriesNumber": 23,
	"AcquisitionTime": "18:40:44.722500",
	"AcquisitionNumber": 1,
	"ImageComments": "Unaliased MB2/PE4/LB",
	"SliceThickness": 2,
	"SpacingBetweenSlices": 2,
	"SAR": 0.450519,
	"EchoTime": 0.0906,
	"RepetitionTime": 4.71,
	"FlipAngle": 90,
	"PartialFourier": 0.75,
	"BaseResolution": 128,
	"ShimSetting": [
		8642,
		8829,
		7259,
		201,
		-622,
		-483,
		455,
		-76	],
	"DiffusionScheme": "Bipolar",
	"TxRefAmp": 337.942,
	"PhaseResolution": 1,
	"ReceiveCoilName": "HeadNeck_16",
	"ReceiveCoilActiveElements": "H1U;H2L;N1U;N2L",
	"PulseSequenceDetails": "%CustomerSeq%\\cmrr_mbep2d_diff",
	"WipMemBlock": "b5f7e59b-898e-4f2e-bb15-ac53d257c982||Sequence: ve11a/master r/5a7612f; Mar  3 2017 11:48:10 by eja",
	"RefLinesPE": 24,
	"CoilCombinationMethod": "Sum of Squares",
	"ConsistencyInfo": "N4_VE11A_LATEST_20140830",
	"MatrixCoilMode": "GRAPPA",
	"MultibandAccelerationFactor": 2,
	"PercentPhaseFOV": 100,
	"PercentSampling": 100,
	"EchoTrainLength": 47,
	"PhaseEncodingSteps": 95,
	"AcquisitionMatrixPE": 128,
	"ReconMatrixPE": 128,
	"BandwidthPerPixelPhaseEncode": 20.833,
	"ParallelReductionFactorInPlane": 2,
	"EffectiveEchoSpacing": 0.000375006,
	"DerivedVendorReportedEchoSpacing": 0.000750012,
	"TotalReadoutTime": 0.0476258,
	"PixelBandwidth": 1500,
	"DwellTime": 2.6e-06,
	"PhaseEncodingDirection": "j-",
	"SliceTiming": [
		0,
		2.215,
		4.43,
		1.955,
		4.17,
		1.695,
		3.91,
		1.435,
		3.6475,
		1.1725,
		3.3875,
		0.9125,
		3.1275,
		0.6525,
		2.8675,
		0.3925,
		2.6075,
		0.1325,
		2.345,
		4.56,
		2.085,
		4.3,
		1.825,
		4.04,
		1.565,
		3.78,
		1.305,
		3.5175,
		1.0425,
		3.2575,
		0.7825,
		2.9975,
		0.5225,
		2.7375,
		0.2625,
		2.475,
		0,
		2.215,
		4.43,
		1.955,
		4.17,
		1.695,
		3.91,
		1.435,
		3.6475,
		1.1725,
		3.3875,
		0.9125,
		3.1275,
		0.6525,
		2.8675,
		0.3925,
		2.6075,
		0.1325,
		2.345,
		4.56,
		2.085,
		4.3,
		1.825,
		4.04,
		1.565,
		3.78,
		1.305,
		3.5175,
		1.0425,
		3.2575,
		0.7825,
		2.9975,
		0.5225,
		2.7375,
		0.2625,
		2.475	],
	"ImageOrientationPatientDICOM": [
		0.997295,
		-0.00199032,
		0.0734777,
		7.37303e-09,
		0.999633,
		0.0270774	],
	"ImageOrientationText": "Tra>Sag(4.2)>Cor(1.5)",
	"InPlanePhaseEncodingDirectionDICOM": "COL",
	"BidsGuess": ["dwi","_acq-epb0p2m2_dir-AP_run-23_dwi"],
	"ConversionSoftware": "dcm2niix",
	"ConversionSoftwareVersion": "v1.0.20240202"
}
