{
	"Modality": "MR",
	"MagneticFieldStrength": 3,
	"ImagingFrequency": 123.260167,
	"Manufacturer": "Siemens",
	"ManufacturersModelName": "Skyra",
	"InstitutionName": "RM ENCEFALO",
	"InstitutionalDepartmentName": "Department",
	"InstitutionAddress": "Via san Leonardo StreetNo,Salerno,District,IT,84100",
	"DeviceSerialNumber": "45908",
	"StationName": "AWP45908",
	"BodyPartExamined": "HEAD",
	"PatientPosition": "HFS",
	"ProcedureStepDescription": "ENCEFALO^RICERCA",
	"SoftwareVersions": "syngo MR E11",
	"MRAcquisitionType": "2D",
	"SeriesDescription": "DTI_dir64_PA",
	"ProtocolName": "DTI_dir64_PA",
	"ScanningSequence": "EP",
	"SequenceVariant": "SK\\SS",
	"ScanOptions": "PFP\\FS",
	"SequenceName": "ep_b0",
	"ImageType": ["ORIGINAL", "PRIMARY", "DIFFUSION", "NONE", "MB", "ND"],
	"NonlinearGradientCorrection": false,
	"SeriesNumber": 20,
	"AcquisitionTime": "13:02:30.652500",
	"AcquisitionNumber": 1,
	"ImageComments": "Unaliased MB2/PE4/LB",
	"SliceThickness": 2,
	"SpacingBetweenSlices": 2,
	"SAR": 0.277533,
	"EchoTime": 0.0906,
	"RepetitionTime": 4.71,
	"FlipAngle": 90,
	"PartialFourier": 0.75,
	"BaseResolution": 128,
	"ShimSetting": [
		8600,
		8783,
		7260,
		119,
		-629,
		-685,
		203,
		102	],
	"DiffusionScheme": "Bipolar",
	"TxRefAmp": 358.397,
	"PhaseResolution": 1,
	"ReceiveCoilName": "HeadNeck_16",
	"ReceiveCoilActiveElements": "H1U;H2L;N1U;N2L",
	"PulseSequenceDetails": "%CustomerSeq%\\cmrr_mbep2d_diff",
	"WipMemBlock": "4ff1ebe0-2459-4a19-91c9-766afe6cd668||Sequence: R016 ve11a/master r/fdfe5be5; Nov 27 2017 15:52:35 by eja",
	"RefLinesPE": 24,
	"CoilCombinationMethod": "Sum of Squares",
	"ConsistencyInfo": "N4_VE11A_LATEST_20140830",
	"MatrixCoilMode": "GRAPPA",
	"MultibandAccelerationFactor": 2,
	"PercentPhaseFOV": 100,
	"PercentSampling": 100,
	"EchoTrainLength": 47,
	"PhaseEncodingSteps": 95,
	"AcquisitionMatrixPE": 128,
	"ReconMatrixPE": 128,
	"BandwidthPerPixelPhaseEncode": 20.833,
	"ParallelReductionFactorInPlane": 2,
	"EffectiveEchoSpacing": 0.000375006,
	"DerivedVendorReportedEchoSpacing": 0.000750012,
	"TotalReadoutTime": 0.0476258,
	"PixelBandwidth": 1500,
	"DwellTime": 2.6e-06,
	"PhaseEncodingDirection": "j",
	"SliceTiming": [
		0,
		2.21094,
		4.42969,
		1.95312,
		4.16406,
		1.6875,
		3.90625,
		1.42969,
		3.64062,
		1.17188,
		3.38281,
		0.90625,
		3.125,
		0.64844,
		2.86719,
		0.39062,
		2.60156,
		0.125,
		2.34375,
		4.55469,
		2.07812,
		4.29688,
		1.82031,
		4.03906,
		1.5625,
		3.77344,
		1.29688,
		3.51562,
		1.03906,
		3.25,
		0.78125,
		2.99219,
		0.51562,
		2.73438,
		0.25781,
		2.46875,
		0,
		2.21094,
		4.42969,
		1.95312,
		4.16406,
		1.6875,
		3.90625,
		1.42969,
		3.64062,
		1.17188,
		3.38281,
		0.90625,
		3.125,
		0.64844,
		2.86719,
		0.39062,
		2.60156,
		0.125,
		2.34375,
		4.55469,
		2.07812,
		4.29688,
		1.82031,
		4.03906,
		1.5625,
		3.77344,
		1.29688,
		3.51562,
		1.03906,
		3.25,
		0.78125,
		2.99219,
		0.51562,
		2.73438,
		0.25781,
		2.46875	],
	"ImageOrientationPatientDICOM": [
		0.996428,
		0.0813824,
		0.0225473,
		-0.0836724,
		0.987539,
		0.133287	],
	"ImageOrientationText": "Tra>Cor(7.7)>Sag(0.7)",
	"InPlanePhaseEncodingDirectionDICOM": "COL",
	"BidsGuess": ["dwi","_acq-epb0p2_dir-PA_run-20_dwi"],
	"ConversionSoftware": "dcm2niix",
	"ConversionSoftwareVersion": "v1.0.20240202"
}
