{
	"Modality": "MR",
	"MagneticFieldStrength": 3,
	"ImagingFrequency": 123.260206,
	"Manufacturer": "Siemens",
	"ManufacturersModelName": "Skyra",
	"InstitutionName": "RM ENCEFALO",
	"InstitutionalDepartmentName": "Department",
	"InstitutionAddress": "Via san Leonardo StreetNo,Salerno,District,IT,84100",
	"DeviceSerialNumber": "45908",
	"StationName": "AWP45908",
	"BodyPartExamined": "HEAD",
	"PatientPosition": "HFS",
	"ProcedureStepDescription": "ENCEFALO^RICERCA",
	"SoftwareVersions": "syngo MR E11",
	"MRAcquisitionType": "2D",
	"SeriesDescription": "RSfMRI_PA",
	"ProtocolName": "RSfMRI_PA",
	"ScanningSequence": "EP",
	"SequenceVariant": "SK\\SS",
	"ScanOptions": "FS",
	"SequenceName": "epfid2d1_96",
	"ImageType": ["ORIGINAL", "PRIMARY", "M", "MB", "ND", "MOSAIC"],
	"NonlinearGradientCorrection": false,
	"SeriesNumber": 7,
	"AcquisitionTime": "11:51:3.302500",
	"AcquisitionNumber": 1,
	"ImageComments": "Unaliased MB4/PE4/LB",
	"SliceThickness": 2.5,
	"SpacingBetweenSlices": 2.5,
	"SAR": 0.112313,
	"EchoTime": 0.03,
	"RepetitionTime": 1,
	"FlipAngle": 90,
	"PartialFourier": 1,
	"BaseResolution": 96,
	"ShimSetting": [
		8613,
		8960,
		7209,
		258,
		-495,
		-664,
		-97,
		19	],
	"TxRefAmp": 357.623,
	"PhaseResolution": 1,
	"ReceiveCoilName": "HeadNeck_16",
	"ReceiveCoilActiveElements": "H1U;H2L",
	"PulseSequenceDetails": "%CustomerSeq%\\cmrr_mbep2d_bold",
	"WipMemBlock": "e17643da-4da2-4151-a508-f8734929a18c||Sequence: R016 ve11a/master r/fdfe5be5; Nov 27 2017 15:45:20 by eja",
	"RefLinesPE": 24,
	"CoilCombinationMethod": "Sum of Squares",
	"ConsistencyInfo": "N4_VE11A_LATEST_20140830",
	"MatrixCoilMode": "GRAPPA",
	"MultibandAccelerationFactor": 4,
	"PercentPhaseFOV": 100,
	"PercentSampling": 100,
	"EchoTrainLength": 47,
	"PhaseEncodingSteps": 95,
	"AcquisitionMatrixPE": 96,
	"ReconMatrixPE": 96,
	"BandwidthPerPixelPhaseEncode": 26.709,
	"ParallelReductionFactorInPlane": 2,
	"EffectiveEchoSpacing": 0.000390006,
	"DerivedVendorReportedEchoSpacing": 0.000780012,
	"TotalReadoutTime": 0.0370506,
	"PixelBandwidth": 1490,
	"DwellTime": 3.5e-06,
	"PhaseEncodingDirection": "j",
	"SliceTiming": [
		0,
		0.5225,
		0.065,
		0.5875,
		0.13,
		0.6525,
		0.195,
		0.7175,
		0.26,
		0.7825,
		0.325,
		0.8475,
		0.39,
		0.9125,
		0.4575,
		0,
		0.5225,
		0.065,
		0.5875,
		0.13,
		0.6525,
		0.195,
		0.7175,
		0.26,
		0.7825,
		0.325,
		0.8475,
		0.39,
		0.9125,
		0.4575,
		0,
		0.5225,
		0.065,
		0.5875,
		0.13,
		0.6525,
		0.195,
		0.7175,
		0.26,
		0.7825,
		0.325,
		0.8475,
		0.39,
		0.9125,
		0.4575,
		0,
		0.5225,
		0.065,
		0.5875,
		0.13,
		0.6525,
		0.195,
		0.7175,
		0.26,
		0.7825,
		0.325,
		0.8475,
		0.39,
		0.9125,
		0.4575	],
	"ImageOrientationPatientDICOM": [
		0.9959,
		-0.0844668,
		0.0323708,
		0.0888817,
		0.98025,
		-0.176662	],
	"ImageOrientationText": "Tra>Cor(-10.3)>Sag(1.0)",
	"InPlanePhaseEncodingDirectionDICOM": "COL",
	"BidsGuess": ["func","_acq-epfid2p2m4_dir-PA_run-7_bold"],
	"ConversionSoftware": "dcm2niix",
	"ConversionSoftwareVersion": "v1.0.20240202"
}
