{
    "Modality": "MR",
    "MagneticFieldStrength": 3,
    "ImagingFrequency": 123.260427,
    "Manufacturer": "Siemens",
    "ManufacturersModelName": "Skyra",
    "InstitutionName": "Azienda Ospedaliera San Giovanni",
    "InstitutionalDepartmentName": "Department",
    "InstitutionAddress": "Via san Leonardo StreetNo,Salerno,District,IT,84100",
    "DeviceSerialNumber": "45908",
    "StationName": "AWP45908",
    "BodyPartExamined": "HEAD",
    "PatientPosition": "HFS",
    "ProcedureStepDescription": "ENCEFALO^RICERCA",
    "SoftwareVersions": "syngo MR E11",
    "MRAcquisitionType": "2D",
    "SeriesDescription": "RSfMRI",
    "ProtocolName": "RSfMRI",
    "ScanningSequence": "EP",
    "SequenceVariant": "SK\\SS",
    "ScanOptions": "FS",
    "SequenceName": "epfid2d1_96",
    "ImageType": [
        "ORIGINAL",
        "PRIMARY",
        "M",
        "MB",
        "ND",
        "MOSAIC"
    ],
    "NonlinearGradientCorrection": false,
    "SeriesNumber": 5,
    "AcquisitionTime": "11:09:39.222500",
    "AcquisitionNumber": 1,
    "ImageComments": "Unaliased MB4/PE4/LB",
    "SliceThickness": 2.5,
    "SpacingBetweenSlices": 2.5,
    "SAR": 0.166888,
    "EchoTime": 0.03,
    "RepetitionTime": 1,
    "FlipAngle": 90,
    "PartialFourier": 1,
    "BaseResolution": 96,
    "ShimSetting": [
        8593,
        9011,
        6952,
        497,
        -1017,
        -604,
        -676,
        484
    ],
    "TxRefAmp": 332.299,
    "PhaseResolution": 1,
    "ReceiveCoilName": "HeadNeck_16",
    "ReceiveCoilActiveElements": "H1U;H2L;N1U;N2L",
    "PulseSequenceDetails": "%CustomerSeq%\\cmrr_mbep2d_bold",
    "WipMemBlock": "9c43b0d3-3ad0-4090-991f-8ff6efcd8826||Sequence: R016 ve11a/master r/fdfe5be5; Nov 27 2017 15:45:20 by eja",
    "RefLinesPE": 24,
    "CoilCombinationMethod": "Sum of Squares",
    "ConsistencyInfo": "N4_VE11A_LATEST_20140830",
    "MatrixCoilMode": "GRAPPA",
    "MultibandAccelerationFactor": 4,
    "PercentPhaseFOV": 100,
    "PercentSampling": 100,
    "EchoTrainLength": 47,
    "PhaseEncodingSteps": 95,
    "AcquisitionMatrixPE": 96,
    "ReconMatrixPE": 96,
    "BandwidthPerPixelPhaseEncode": 26.709,
    "ParallelReductionFactorInPlane": 2,
    "EffectiveEchoSpacing": 0.000390006,
    "DerivedVendorReportedEchoSpacing": 0.000780012,
    "TotalReadoutTime": 0.0370506,
    "PixelBandwidth": 1490,
    "DwellTime": 3.5e-06,
    "PhaseEncodingDirection": "j-",
    "SliceTiming": [
        0,
        0.5225,
        0.065,
        0.59,
        0.1325,
        0.655,
        0.1975,
        0.72,
        0.2625,
        0.785,
        0.3275,
        0.85,
        0.3925,
        0.915,
        0.4575,
        0,
        0.5225,
        0.065,
        0.59,
        0.1325,
        0.655,
        0.1975,
        0.72,
        0.2625,
        0.785,
        0.3275,
        0.85,
        0.3925,
        0.915,
        0.4575,
        0,
        0.5225,
        0.065,
        0.59,
        0.1325,
        0.655,
        0.1975,
        0.72,
        0.2625,
        0.785,
        0.3275,
        0.85,
        0.3925,
        0.915,
        0.4575,
        0,
        0.5225,
        0.065,
        0.59,
        0.1325,
        0.655,
        0.1975,
        0.72,
        0.2625,
        0.785,
        0.3275,
        0.85,
        0.3925,
        0.915,
        0.4575
    ],
    "ImageOrientationPatientDICOM": [
        0.999082,
        0.0163649,
        -0.0395828,
        -0.0226723,
        0.986105,
        -0.164566
    ],
    "ImageOrientationText": "Tra>Cor(-9.5)>Sag(-2.1)",
    "InPlanePhaseEncodingDirectionDICOM": "COL",
    "BidsGuess": [
        "func",
        "_acq-epfid2p2m4_dir-AP_run-5_bold"
    ],
    "ConversionSoftware": "dcm2niix",
    "ConversionSoftwareVersion": "v1.0.20240202",
    "TaskName": "rest"
}