{
	"Modality": "MR",
	"MagneticFieldStrength": 3,
	"ImagingFrequency": 123.260233,
	"Manufacturer": "Siemens",
	"ManufacturersModelName": "Skyra",
	"InstitutionName": "Azienda Ospedaliera San Giovanni",
	"InstitutionalDepartmentName": "Department",
	"InstitutionAddress": "Via san Leonardo StreetNo,Salerno,District,IT,84100",
	"DeviceSerialNumber": "45908",
	"StationName": "AWP45908",
	"BodyPartExamined": "HEAD",
	"PatientPosition": "HFS",
	"ProcedureStepDescription": "ENCEFALO^RICERCA",
	"SoftwareVersions": "syngo MR E11",
	"MRAcquisitionType": "2D",
	"SeriesDescription": "DTI_dir64",
	"ProtocolName": "DTI_dir64",
	"ScanningSequence": "EP",
	"SequenceVariant": "SK\\SS",
	"ScanOptions": "PFP\\FS",
	"SequenceName": "ep_b0",
	"ImageType": ["ORIGINAL", "PRIMARY", "DIFFUSION", "NONE", "MB", "ND", "MOSAIC"],
	"NonlinearGradientCorrection": false,
	"SeriesNumber": 23,
	"AcquisitionTime": "10:29:56.390000",
	"AcquisitionNumber": 1,
	"ImageComments": "Unaliased MB2/PE4/LB",
	"SliceThickness": 2,
	"SpacingBetweenSlices": 2,
	"SAR": 0.450103,
	"EchoTime": 0.0906,
	"RepetitionTime": 4.71,
	"FlipAngle": 90,
	"PartialFourier": 0.75,
	"BaseResolution": 128,
	"ShimSetting": [
		8678,
		8931,
		7343,
		211,
		-838,
		-620,
		218,
		-69	],
	"DiffusionScheme": "Bipolar",
	"TxRefAmp": 364.419,
	"PhaseResolution": 1,
	"ReceiveCoilName": "HeadNeck_16",
	"ReceiveCoilActiveElements": "H1U;H2L;N1U;N2L",
	"PulseSequenceDetails": "%CustomerSeq%\\cmrr_mbep2d_diff",
	"WipMemBlock": "0118c66b-2247-4c98-be9a-cb04ac0a598e||Sequence: R016 ve11a/master r/fdfe5be5; Nov 27 2017 15:52:35 by eja",
	"RefLinesPE": 24,
	"CoilCombinationMethod": "Sum of Squares",
	"ConsistencyInfo": "N4_VE11A_LATEST_20140830",
	"MatrixCoilMode": "GRAPPA",
	"MultibandAccelerationFactor": 2,
	"PercentPhaseFOV": 100,
	"PercentSampling": 100,
	"EchoTrainLength": 47,
	"PhaseEncodingSteps": 95,
	"AcquisitionMatrixPE": 128,
	"ReconMatrixPE": 128,
	"BandwidthPerPixelPhaseEncode": 20.833,
	"ParallelReductionFactorInPlane": 2,
	"EffectiveEchoSpacing": 0.000375006,
	"DerivedVendorReportedEchoSpacing": 0.000750012,
	"TotalReadoutTime": 0.0476258,
	"PixelBandwidth": 1500,
	"DwellTime": 2.6e-06,
	"PhaseEncodingDirection": "j-",
	"SliceTiming": [
		0,
		2.215,
		4.43,
		1.955,
		4.17,
		1.695,
		3.9075,
		1.4325,
		3.6475,
		1.1725,
		3.3875,
		0.9125,
		3.1275,
		0.6525,
		2.8675,
		0.3925,
		2.605,
		0.13,
		2.345,
		4.56,
		2.085,
		4.3,
		1.825,
		4.04,
		1.565,
		3.7775,
		1.3025,
		3.5175,
		1.0425,
		3.2575,
		0.7825,
		2.9975,
		0.5225,
		2.7375,
		0.26,
		2.475,
		0,
		2.215,
		4.43,
		1.955,
		4.17,
		1.695,
		3.9075,
		1.4325,
		3.6475,
		1.1725,
		3.3875,
		0.9125,
		3.1275,
		0.6525,
		2.8675,
		0.3925,
		2.605,
		0.13,
		2.345,
		4.56,
		2.085,
		4.3,
		1.825,
		4.04,
		1.565,
		3.7775,
		1.3025,
		3.5175,
		1.0425,
		3.2575,
		0.7825,
		2.9975,
		0.5225,
		2.7375,
		0.26,
		2.475	],
	"ImageOrientationPatientDICOM": [
		0.988297,
		-0.101085,
		0.114245,
		0.110855,
		0.990392,
		-0.0826675	],
	"ImageOrientationText": "Tra>Sag(6.0)>Cor(-5.4)",
	"InPlanePhaseEncodingDirectionDICOM": "COL",
	"BidsGuess": ["dwi","_acq-epb0p2m2_dir-AP_run-23_dwi"],
	"ConversionSoftware": "dcm2niix",
	"ConversionSoftwareVersion": "v1.0.20240202"
}
