{
	"Modality": "MR",
	"MagneticFieldStrength": 3,
	"ImagingFrequency": 123.260427,
	"Manufacturer": "Siemens",
	"ManufacturersModelName": "Skyra",
	"InstitutionName": "Azienda Ospedaliera San Giovanni",
	"InstitutionalDepartmentName": "Department",
	"InstitutionAddress": "Via san Leonardo StreetNo,Salerno,District,IT,84100",
	"DeviceSerialNumber": "45908",
	"StationName": "AWP45908",
	"BodyPartExamined": "HEAD",
	"PatientPosition": "HFS",
	"ProcedureStepDescription": "ENCEFALO^RICERCA",
	"SoftwareVersions": "syngo MR E11",
	"MRAcquisitionType": "2D",
	"SeriesDescription": "DTI_dir64",
	"ProtocolName": "DTI_dir64",
	"ScanningSequence": "EP",
	"SequenceVariant": "SK\\SS",
	"ScanOptions": "PFP\\FS",
	"SequenceName": "ep_b0",
	"ImageType": ["ORIGINAL", "PRIMARY", "DIFFUSION", "NONE", "MB", "ND", "MOSAIC"],
	"NonlinearGradientCorrection": false,
	"SeriesNumber": 23,
	"AcquisitionTime": "15:42:27.357500",
	"AcquisitionNumber": 1,
	"ImageComments": "Unaliased MB2/PE4/LB",
	"SliceThickness": 2,
	"SpacingBetweenSlices": 2,
	"SAR": 0.329929,
	"EchoTime": 0.0906,
	"RepetitionTime": 4.71,
	"FlipAngle": 90,
	"PartialFourier": 0.75,
	"BaseResolution": 128,
	"ShimSetting": [
		8630,
		8916,
		7390,
		98,
		-580,
		-477,
		209,
		43	],
	"DiffusionScheme": "Bipolar",
	"TxRefAmp": 354.277,
	"PhaseResolution": 1,
	"ReceiveCoilName": "HeadNeck_16",
	"ReceiveCoilActiveElements": "H1U;H2L;N1U;N2L",
	"PulseSequenceDetails": "%CustomerSeq%\\cmrr_mbep2d_diff",
	"WipMemBlock": "4487f7a7-34ff-43d5-935d-f69962f2b990||Sequence: ve11a/master r/fabf655; Jul 21 2016 13:03:13 by eja",
	"RefLinesPE": 24,
	"CoilCombinationMethod": "Sum of Squares",
	"ConsistencyInfo": "N4_VE11A_LATEST_20140830",
	"MatrixCoilMode": "GRAPPA",
	"MultibandAccelerationFactor": 2,
	"PercentPhaseFOV": 100,
	"PercentSampling": 100,
	"EchoTrainLength": 47,
	"PhaseEncodingSteps": 95,
	"AcquisitionMatrixPE": 128,
	"ReconMatrixPE": 128,
	"BandwidthPerPixelPhaseEncode": 20.833,
	"ParallelReductionFactorInPlane": 2,
	"EffectiveEchoSpacing": 0.000375006,
	"DerivedVendorReportedEchoSpacing": 0.000750012,
	"TotalReadoutTime": 0.0476258,
	"PixelBandwidth": 1500,
	"DwellTime": 2.6e-06,
	"PhaseEncodingDirection": "j-",
	"SliceTiming": [
		0,
		2.2125,
		4.4275,
		1.9525,
		4.1675,
		1.6925,
		3.9075,
		1.4325,
		3.6475,
		1.1725,
		3.385,
		0.91,
		3.125,
		0.65,
		2.865,
		0.39,
		2.605,
		0.13,
		2.345,
		4.5575,
		2.0825,
		4.2975,
		1.8225,
		4.0375,
		1.5625,
		3.7775,
		1.3025,
		3.5175,
		1.04,
		3.255,
		0.78,
		2.995,
		0.52,
		2.735,
		0.26,
		2.475,
		0,
		2.2125,
		4.4275,
		1.9525,
		4.1675,
		1.6925,
		3.9075,
		1.4325,
		3.6475,
		1.1725,
		3.385,
		0.91,
		3.125,
		0.65,
		2.865,
		0.39,
		2.605,
		0.13,
		2.345,
		4.5575,
		2.0825,
		4.2975,
		1.8225,
		4.0375,
		1.5625,
		3.7775,
		1.3025,
		3.5175,
		1.04,
		3.255,
		0.78,
		2.995,
		0.52,
		2.735,
		0.26,
		2.475	],
	"ImageOrientationPatientDICOM": [
		0.997553,
		-0.0231591,
		0.0659714,
		0.0278642,
		0.997064,
		-0.071317	],
	"ImageOrientationText": "Tra>Cor(-4.2)>Sag(3.7)",
	"InPlanePhaseEncodingDirectionDICOM": "COL",
	"BidsGuess": ["dwi","_acq-epb0p2m2_dir-AP_run-23_dwi"],
	"ConversionSoftware": "dcm2niix",
	"ConversionSoftwareVersion": "v1.0.20240202"
}
