{
	"Modality": "MR",
	"MagneticFieldStrength": 3,
	"ImagingFrequency": 123.26045,
	"Manufacturer": "Siemens",
	"ManufacturersModelName": "Skyra",
	"InstitutionName": "Azienda Ospedaliera San Giovanni",
	"InstitutionalDepartmentName": "Department",
	"InstitutionAddress": "Via san Leonardo StreetNo,Salerno,District,IT,84100",
	"DeviceSerialNumber": "45908",
	"StationName": "AWP45908",
	"BodyPartExamined": "HEAD",
	"PatientPosition": "HFS",
	"ProcedureStepDescription": "ENCEFALO^RICERCA",
	"SoftwareVersions": "syngo MR E11",
	"MRAcquisitionType": "2D",
	"SeriesDescription": "RSfMRI_PA",
	"ProtocolName": "RSfMRI_PA",
	"ScanningSequence": "EP",
	"SequenceVariant": "SK\\SS",
	"ScanOptions": "FS",
	"SequenceName": "epfid2d1_96",
	"ImageType": ["ORIGINAL", "PRIMARY", "M", "MB", "ND", "MOSAIC"],
	"NonlinearGradientCorrection": false,
	"SeriesNumber": 7,
	"AcquisitionTime": "17:15:12.467500",
	"AcquisitionNumber": 1,
	"ImageComments": "Unaliased MB4/PE4/LB",
	"SliceThickness": 2.5,
	"SpacingBetweenSlices": 2.5,
	"SAR": 0.116924,
	"EchoTime": 0.03,
	"RepetitionTime": 1,
	"FlipAngle": 90,
	"PartialFourier": 1,
	"BaseResolution": 96,
	"ShimSetting": [
		8630,
		8947,
		7294,
		300,
		-447,
		-699,
		305,
		40	],
	"TxRefAmp": 352.312,
	"PhaseResolution": 1,
	"ReceiveCoilName": "HeadNeck_16",
	"ReceiveCoilActiveElements": "H1U;H2L;N1U;N2L",
	"PulseSequenceDetails": "%CustomerSeq%\\cmrr_mbep2d_bold",
	"WipMemBlock": "967f0901-65ba-47e7-9034-3beabca2dacd||Sequence: ve11a/master r/fabf655; Jul 21 2016 12:54:08 by eja",
	"RefLinesPE": 24,
	"CoilCombinationMethod": "Sum of Squares",
	"ConsistencyInfo": "N4_VE11A_LATEST_20140830",
	"MatrixCoilMode": "GRAPPA",
	"MultibandAccelerationFactor": 4,
	"PercentPhaseFOV": 100,
	"PercentSampling": 100,
	"EchoTrainLength": 47,
	"PhaseEncodingSteps": 95,
	"AcquisitionMatrixPE": 96,
	"ReconMatrixPE": 96,
	"BandwidthPerPixelPhaseEncode": 26.709,
	"ParallelReductionFactorInPlane": 2,
	"EffectiveEchoSpacing": 0.000390006,
	"DerivedVendorReportedEchoSpacing": 0.000780012,
	"TotalReadoutTime": 0.0370506,
	"PixelBandwidth": 1490,
	"DwellTime": 3.5e-06,
	"PhaseEncodingDirection": "j",
	"SliceTiming": [
		0,
		0.5225,
		0.065,
		0.59,
		0.1325,
		0.655,
		0.1975,
		0.72,
		0.2625,
		0.785,
		0.3275,
		0.85,
		0.3925,
		0.915,
		0.4575,
		0,
		0.5225,
		0.065,
		0.59,
		0.1325,
		0.655,
		0.1975,
		0.72,
		0.2625,
		0.785,
		0.3275,
		0.85,
		0.3925,
		0.915,
		0.4575,
		0,
		0.5225,
		0.065,
		0.59,
		0.1325,
		0.655,
		0.1975,
		0.72,
		0.2625,
		0.785,
		0.3275,
		0.85,
		0.3925,
		0.915,
		0.4575,
		0,
		0.5225,
		0.065,
		0.59,
		0.1325,
		0.655,
		0.1975,
		0.72,
		0.2625,
		0.785,
		0.3275,
		0.85,
		0.3925,
		0.915,
		0.4575	],
	"ImageOrientationPatientDICOM": [
		0.998139,
		0.0172422,
		0.0584864,
		3.85065e-08,
		0.959186,
		-0.282775	],
	"ImageOrientationText": "Tra>Cor(-16.4)>Sag(3.5)",
	"InPlanePhaseEncodingDirectionDICOM": "COL",
	"BidsGuess": ["func","_acq-epfid2p2m4_dir-PA_run-7_bold"],
	"ConversionSoftware": "dcm2niix",
	"ConversionSoftwareVersion": "v1.0.20240202"
}
