{
    "Modality": "MR",
    "MagneticFieldStrength": 3,
    "ImagingFrequency": 123.260288,
    "Manufacturer": "Siemens",
    "ManufacturersModelName": "Skyra",
    "InstitutionName": "Azienda Ospedaliera San Giovanni",
    "InstitutionalDepartmentName": "Department",
    "InstitutionAddress": "Via san Leonardo StreetNo,Salerno,District,IT,84100",
    "DeviceSerialNumber": "45908",
    "StationName": "AWP45908",
    "BodyPartExamined": "HEAD",
    "PatientPosition": "HFS",
    "ProcedureStepDescription": "ENCEFALO^RICERCA",
    "SoftwareVersions": "syngo MR E11",
    "MRAcquisitionType": "2D",
    "SeriesDescription": "RSfMRI",
    "ProtocolName": "RSfMRI",
    "ScanningSequence": "EP",
    "SequenceVariant": "SK\\SS",
    "ScanOptions": "FS",
    "SequenceName": "epfid2d1_96",
    "ImageType": [
        "ORIGINAL",
        "PRIMARY",
        "M",
        "MB",
        "ND",
        "MOSAIC"
    ],
    "NonlinearGradientCorrection": false,
    "SeriesNumber": 5,
    "AcquisitionTime": "09:51:44.985000",
    "AcquisitionNumber": 1,
    "ImageComments": "Unaliased MB4/PE4/LB",
    "SliceThickness": 2.5,
    "SpacingBetweenSlices": 2.5,
    "SAR": 0.162807,
    "EchoTime": 0.03,
    "RepetitionTime": 1,
    "FlipAngle": 90,
    "PartialFourier": 1,
    "BaseResolution": 96,
    "ShimSetting": [
        8681,
        8769,
        7271,
        234,
        -779,
        -828,
        45,
        66
    ],
    "TxRefAmp": 341.366,
    "PhaseResolution": 1,
    "ReceiveCoilName": "HeadNeck_16",
    "ReceiveCoilActiveElements": "H1U;H2L;N1U;N2L",
    "PulseSequenceDetails": "%CustomerSeq%\\cmrr_mbep2d_bold",
    "WipMemBlock": "5c6d686a-975a-4f11-9790-bfe0f2d9bce4||Sequence: R016 ve11a/master r/fdfe5be5; Nov 27 2017 15:45:20 by eja",
    "RefLinesPE": 24,
    "CoilCombinationMethod": "Sum of Squares",
    "ConsistencyInfo": "N4_VE11A_LATEST_20140830",
    "MatrixCoilMode": "GRAPPA",
    "MultibandAccelerationFactor": 4,
    "PercentPhaseFOV": 100,
    "PercentSampling": 100,
    "EchoTrainLength": 47,
    "PhaseEncodingSteps": 95,
    "AcquisitionMatrixPE": 96,
    "ReconMatrixPE": 96,
    "BandwidthPerPixelPhaseEncode": 26.709,
    "ParallelReductionFactorInPlane": 2,
    "EffectiveEchoSpacing": 0.000390006,
    "DerivedVendorReportedEchoSpacing": 0.000780012,
    "TotalReadoutTime": 0.0370506,
    "PixelBandwidth": 1490,
    "DwellTime": 3.5e-06,
    "PhaseEncodingDirection": "j-",
    "SliceTiming": [
        0,
        0.5225,
        0.065,
        0.5875,
        0.13,
        0.6525,
        0.195,
        0.7175,
        0.26,
        0.7825,
        0.325,
        0.8475,
        0.39,
        0.9125,
        0.455,
        0,
        0.5225,
        0.065,
        0.5875,
        0.13,
        0.6525,
        0.195,
        0.7175,
        0.26,
        0.7825,
        0.325,
        0.8475,
        0.39,
        0.9125,
        0.455,
        0,
        0.5225,
        0.065,
        0.5875,
        0.13,
        0.6525,
        0.195,
        0.7175,
        0.26,
        0.7825,
        0.325,
        0.8475,
        0.39,
        0.9125,
        0.455,
        0,
        0.5225,
        0.065,
        0.5875,
        0.13,
        0.6525,
        0.195,
        0.7175,
        0.26,
        0.7825,
        0.325,
        0.8475,
        0.39,
        0.9125,
        0.455
    ],
    "ImageOrientationPatientDICOM": [
        0.990952,
        0.0185668,
        0.132924,
        -0.0415332,
        0.984193,
        0.172159
    ],
    "ImageOrientationText": "Tra>Cor(10.2)>Sag(7.3)",
    "InPlanePhaseEncodingDirectionDICOM": "COL",
    "BidsGuess": [
        "func",
        "_acq-epfid2p2m4_dir-AP_run-5_bold"
    ],
    "ConversionSoftware": "dcm2niix",
    "ConversionSoftwareVersion": "v1.0.20240202",
    "TaskName": "rest"
}