{
	"Modality": "MR",
	"MagneticFieldStrength": 3,
	"ImagingFrequency": 123.260323,
	"Manufacturer": "Siemens",
	"ManufacturersModelName": "Skyra",
	"InstitutionName": "Azienda Ospedaliera San Giovanni",
	"InstitutionalDepartmentName": "Department",
	"InstitutionAddress": "Via san Leonardo StreetNo,Salerno,District,IT,84100",
	"DeviceSerialNumber": "45908",
	"StationName": "AWP45908",
	"BodyPartExamined": "HEAD",
	"PatientPosition": "HFS",
	"ProcedureStepDescription": "ENCEFALO^RICERCA",
	"SoftwareVersions": "syngo MR E11",
	"MRAcquisitionType": "2D",
	"SeriesDescription": "RSfMRI_PA",
	"ProtocolName": "RSfMRI_PA",
	"ScanningSequence": "EP",
	"SequenceVariant": "SK\\SS",
	"ScanOptions": "FS",
	"SequenceName": "epfid2d1_96",
	"ImageType": ["ORIGINAL", "PRIMARY", "M", "MB", "ND", "MOSAIC"],
	"NonlinearGradientCorrection": false,
	"SeriesNumber": 7,
	"AcquisitionTime": "18:02:32.447500",
	"AcquisitionNumber": 1,
	"ImageComments": "Unaliased MB4/PE4/LB",
	"SliceThickness": 2.5,
	"SpacingBetweenSlices": 2.5,
	"SAR": 0.117369,
	"EchoTime": 0.03,
	"RepetitionTime": 1,
	"FlipAngle": 90,
	"PartialFourier": 1,
	"BaseResolution": 96,
	"ShimSetting": [
		8615,
		8876,
		7292,
		179,
		-756,
		-854,
		-18,
		35	],
	"TxRefAmp": 363.536,
	"PhaseResolution": 1,
	"ReceiveCoilName": "HeadNeck_16",
	"ReceiveCoilActiveElements": "H1U;H2L",
	"PulseSequenceDetails": "%CustomerSeq%\\cmrr_mbep2d_bold",
	"WipMemBlock": "4e14aec8-0ef4-4bfa-8a2b-9ace4601b727||Sequence: ve11a/master r/5a7612f; Mar  3 2017 11:38:58 by eja",
	"RefLinesPE": 24,
	"CoilCombinationMethod": "Sum of Squares",
	"ConsistencyInfo": "N4_VE11A_LATEST_20140830",
	"MatrixCoilMode": "GRAPPA",
	"MultibandAccelerationFactor": 4,
	"PercentPhaseFOV": 100,
	"PercentSampling": 100,
	"EchoTrainLength": 47,
	"PhaseEncodingSteps": 95,
	"AcquisitionMatrixPE": 96,
	"ReconMatrixPE": 96,
	"BandwidthPerPixelPhaseEncode": 26.709,
	"ParallelReductionFactorInPlane": 2,
	"EffectiveEchoSpacing": 0.000390006,
	"DerivedVendorReportedEchoSpacing": 0.000780012,
	"TotalReadoutTime": 0.0370506,
	"PixelBandwidth": 1490,
	"DwellTime": 3.5e-06,
	"PhaseEncodingDirection": "j",
	"SliceTiming": [
		0,
		0.5225,
		0.065,
		0.5875,
		0.13,
		0.6525,
		0.195,
		0.7175,
		0.26,
		0.7825,
		0.325,
		0.8475,
		0.3925,
		0.915,
		0.4575,
		0,
		0.5225,
		0.065,
		0.5875,
		0.13,
		0.6525,
		0.195,
		0.7175,
		0.26,
		0.7825,
		0.325,
		0.8475,
		0.3925,
		0.915,
		0.4575,
		0,
		0.5225,
		0.065,
		0.5875,
		0.13,
		0.6525,
		0.195,
		0.7175,
		0.26,
		0.7825,
		0.325,
		0.8475,
		0.3925,
		0.915,
		0.4575,
		0,
		0.5225,
		0.065,
		0.5875,
		0.13,
		0.6525,
		0.195,
		0.7175,
		0.26,
		0.7825,
		0.325,
		0.8475,
		0.3925,
		0.915,
		0.4575	],
	"ImageOrientationPatientDICOM": [
		0.998887,
		0.0151496,
		0.0446608,
		-0.013948,
		0.999536,
		-0.0270936	],
	"ImageOrientationText": "Tra>Sag(2.6)>Cor(-1.5)",
	"InPlanePhaseEncodingDirectionDICOM": "COL",
	"BidsGuess": ["func","_acq-epfid2p2m4_dir-PA_run-7_bold"],
	"ConversionSoftware": "dcm2niix",
	"ConversionSoftwareVersion": "v1.0.20240202"
}
