{
	"Modality": "MR",
	"MagneticFieldStrength": 3,
	"ImagingFrequency": 123.260276,
	"Manufacturer": "Siemens",
	"ManufacturersModelName": "Skyra",
	"InstitutionName": "Azienda Ospedaliera San Giovanni",
	"InstitutionalDepartmentName": "Department",
	"InstitutionAddress": "Via san Leonardo StreetNo,Salerno,District,IT,84100",
	"DeviceSerialNumber": "45908",
	"StationName": "AWP45908",
	"BodyPartExamined": "HEAD",
	"PatientPosition": "HFS",
	"ProcedureStepDescription": "ENCEFALO^RICERCA",
	"SoftwareVersions": "syngo MR E11",
	"MRAcquisitionType": "2D",
	"SeriesDescription": "DTI_dir64_PA",
	"ProtocolName": "DTI_dir64_PA",
	"ScanningSequence": "EP",
	"SequenceVariant": "SK\\SS",
	"ScanOptions": "PFP\\FS",
	"SequenceName": "ep_b0",
	"ImageType": ["ORIGINAL", "PRIMARY", "DIFFUSION", "NONE", "MB", "ND"],
	"NonlinearGradientCorrection": false,
	"SeriesNumber": 30,
	"AcquisitionTime": "12:01:19.652500",
	"AcquisitionNumber": 1,
	"ImageComments": "Unaliased MB2/PE4/LB",
	"SliceThickness": 2,
	"SpacingBetweenSlices": 2,
	"SAR": 0.26104,
	"EchoTime": 0.0906,
	"RepetitionTime": 4.71,
	"FlipAngle": 90,
	"PartialFourier": 0.75,
	"BaseResolution": 128,
	"ShimSetting": [
		8605,
		8921,
		7310,
		106,
		-746,
		-308,
		378,
		-24	],
	"DiffusionScheme": "Bipolar",
	"TxRefAmp": 339.346,
	"PhaseResolution": 1,
	"ReceiveCoilName": "HeadNeck_16",
	"ReceiveCoilActiveElements": "H1U;H2L",
	"PulseSequenceDetails": "%CustomerSeq%\\cmrr_mbep2d_diff",
	"WipMemBlock": "7d0d241a-e1df-49f7-af2b-74cb22f89c58||Sequence: ve11a/master r/5a7612f; Mar  3 2017 11:48:10 by eja",
	"RefLinesPE": 24,
	"CoilCombinationMethod": "Sum of Squares",
	"ConsistencyInfo": "N4_VE11A_LATEST_20140830",
	"MatrixCoilMode": "GRAPPA",
	"MultibandAccelerationFactor": 2,
	"PercentPhaseFOV": 100,
	"PercentSampling": 100,
	"EchoTrainLength": 47,
	"PhaseEncodingSteps": 95,
	"AcquisitionMatrixPE": 128,
	"ReconMatrixPE": 128,
	"BandwidthPerPixelPhaseEncode": 20.833,
	"ParallelReductionFactorInPlane": 2,
	"EffectiveEchoSpacing": 0.000375006,
	"DerivedVendorReportedEchoSpacing": 0.000750012,
	"TotalReadoutTime": 0.0476258,
	"PixelBandwidth": 1500,
	"DwellTime": 2.6e-06,
	"PhaseEncodingDirection": "j",
	"SliceTiming": [
		0,
		2.21094,
		4.42969,
		1.95312,
		4.16406,
		1.6875,
		3.90625,
		1.42969,
		3.64062,
		1.17188,
		3.38281,
		0.90625,
		3.125,
		0.64844,
		2.85938,
		0.38281,
		2.60156,
		0.125,
		2.34375,
		4.55469,
		2.07812,
		4.29688,
		1.82031,
		4.03125,
		1.5625,
		3.77344,
		1.29688,
		3.51562,
		1.03906,
		3.25,
		0.78125,
		2.99219,
		0.51562,
		2.73438,
		0.25781,
		2.46875,
		0,
		2.21094,
		4.42969,
		1.95312,
		4.16406,
		1.6875,
		3.90625,
		1.42969,
		3.64062,
		1.17188,
		3.38281,
		0.90625,
		3.125,
		0.64844,
		2.85938,
		0.38281,
		2.60156,
		0.125,
		2.34375,
		4.55469,
		2.07812,
		4.29688,
		1.82031,
		4.03125,
		1.5625,
		3.77344,
		1.29688,
		3.51562,
		1.03906,
		3.25,
		0.78125,
		2.99219,
		0.51562,
		2.73438,
		0.25781,
		2.46875	],
	"ImageOrientationPatientDICOM": [
		0.991671,
		-0.127704,
		0.0167365,
		0.128796,
		0.98316,
		-0.129643	],
	"ImageOrientationText": "Tra>Cor(-7.5)>Sag(-0.0)",
	"InPlanePhaseEncodingDirectionDICOM": "COL",
	"BidsGuess": ["dwi","_acq-epb0p2_dir-PA_run-30_dwi"],
	"ConversionSoftware": "dcm2niix",
	"ConversionSoftwareVersion": "v1.0.20240202"
}
