{
	"Modality": "MR",
	"MagneticFieldStrength": 3,
	"ImagingFrequency": 123.260272,
	"Manufacturer": "Siemens",
	"ManufacturersModelName": "Skyra",
	"InstitutionName": "Azienda Ospedaliera San Giovanni",
	"InstitutionalDepartmentName": "Department",
	"InstitutionAddress": "Via san Leonardo StreetNo,Salerno,District,IT,84100",
	"DeviceSerialNumber": "45908",
	"StationName": "AWP45908",
	"BodyPartExamined": "HEAD",
	"PatientPosition": "HFS",
	"ProcedureStepDescription": "ENCEFALO^RICERCA",
	"SoftwareVersions": "syngo MR E11",
	"MRAcquisitionType": "2D",
	"SeriesDescription": "DTI_dir64_PA",
	"ProtocolName": "DTI_dir64_PA",
	"ScanningSequence": "EP",
	"SequenceVariant": "SK\\SS",
	"ScanOptions": "PFP\\FS",
	"SequenceName": "ep_b0",
	"ImageType": ["ORIGINAL", "PRIMARY", "DIFFUSION", "NONE", "MB", "ND"],
	"NonlinearGradientCorrection": false,
	"SeriesNumber": 29,
	"AcquisitionTime": "15:12:7.630000",
	"AcquisitionNumber": 1,
	"ImageComments": "Unaliased MB2/PE4/LB",
	"SliceThickness": 2,
	"SpacingBetweenSlices": 2,
	"SAR": 0.227226,
	"EchoTime": 0.0906,
	"RepetitionTime": 4.71,
	"FlipAngle": 90,
	"PartialFourier": 0.75,
	"BaseResolution": 128,
	"ShimSetting": [
		8667,
		8886,
		7332,
		136,
		-663,
		-404,
		229,
		5	],
	"DiffusionScheme": "Bipolar",
	"TxRefAmp": 346.155,
	"PhaseResolution": 1,
	"ReceiveCoilName": "HeadNeck_16",
	"ReceiveCoilActiveElements": "H1U;H2L",
	"PulseSequenceDetails": "%CustomerSeq%\\cmrr_mbep2d_diff",
	"WipMemBlock": "bc543501-67c4-4485-bf08-7dfa946f0278||Sequence: R016 ve11a/master r/fdfe5be5; Nov 27 2017 15:52:35 by eja",
	"RefLinesPE": 24,
	"CoilCombinationMethod": "Sum of Squares",
	"ConsistencyInfo": "N4_VE11A_LATEST_20140830",
	"MatrixCoilMode": "GRAPPA",
	"MultibandAccelerationFactor": 2,
	"PercentPhaseFOV": 100,
	"PercentSampling": 100,
	"EchoTrainLength": 47,
	"PhaseEncodingSteps": 95,
	"AcquisitionMatrixPE": 128,
	"ReconMatrixPE": 128,
	"BandwidthPerPixelPhaseEncode": 20.833,
	"ParallelReductionFactorInPlane": 2,
	"EffectiveEchoSpacing": 0.000375006,
	"DerivedVendorReportedEchoSpacing": 0.000750012,
	"TotalReadoutTime": 0.0476258,
	"PixelBandwidth": 1500,
	"DwellTime": 2.6e-06,
	"PhaseEncodingDirection": "j",
	"SliceTiming": [
		0,
		2.21875,
		4.4375,
		1.95312,
		4.17188,
		1.70312,
		3.90625,
		1.4375,
		3.65625,
		1.17188,
		3.39062,
		0.92188,
		3.125,
		0.65625,
		2.875,
		0.39062,
		2.60938,
		0.14062,
		2.34375,
		4.5625,
		2.09375,
		4.29688,
		1.82812,
		4.04688,
		1.5625,
		3.78125,
		1.3125,
		3.51562,
		1.04688,
		3.26562,
		0.78125,
		3,
		0.53125,
		2.73438,
		0.26562,
		2.48438,
		0,
		2.21875,
		4.4375,
		1.95312,
		4.17188,
		1.70312,
		3.90625,
		1.4375,
		3.65625,
		1.17188,
		3.39062,
		0.92188,
		3.125,
		0.65625,
		2.875,
		0.39062,
		2.60938,
		0.14062,
		2.34375,
		4.5625,
		2.09375,
		4.29688,
		1.82812,
		4.04688,
		1.5625,
		3.78125,
		1.3125,
		3.51562,
		1.04688,
		3.26562,
		0.78125,
		3,
		0.53125,
		2.73438,
		0.26562,
		2.48438	],
	"ImageOrientationPatientDICOM": [
		0.992058,
		0.0478577,
		0.116323,
		-0.0537279,
		0.997408,
		0.0478626	],
	"ImageOrientationText": "Tra>Sag(6.5)>Cor(3.1)",
	"InPlanePhaseEncodingDirectionDICOM": "COL",
	"BidsGuess": ["dwi","_acq-epb0p2_dir-PA_run-29_dwi"],
	"ConversionSoftware": "dcm2niix",
	"ConversionSoftwareVersion": "v1.0.20240202"
}
