{
    "Modality": "MR",
    "MagneticFieldStrength": 3,
    "ImagingFrequency": 123.26034,
    "Manufacturer": "Siemens",
    "ManufacturersModelName": "Skyra",
    "InstitutionName": "Azienda Ospedaliera San Giovanni",
    "InstitutionalDepartmentName": "Department",
    "InstitutionAddress": "Via san Leonardo StreetNo,Salerno,District,IT,84100",
    "DeviceSerialNumber": "45908",
    "StationName": "AWP45908",
    "BodyPartExamined": "HEAD",
    "PatientPosition": "HFS",
    "ProcedureStepDescription": "ENCEFALO^RICERCA",
    "SoftwareVersions": "syngo MR E11",
    "MRAcquisitionType": "2D",
    "SeriesDescription": "RSfMRI",
    "ProtocolName": "RSfMRI",
    "ScanningSequence": "EP",
    "SequenceVariant": "SK\\SS",
    "ScanOptions": "FS",
    "SequenceName": "epfid2d1_96",
    "ImageType": [
        "ORIGINAL",
        "PRIMARY",
        "M",
        "MB",
        "ND",
        "MOSAIC"
    ],
    "NonlinearGradientCorrection": false,
    "SeriesNumber": 5,
    "AcquisitionTime": "15:42:31.202500",
    "AcquisitionNumber": 1,
    "ImageComments": "Unaliased MB4/PE4/LB",
    "SliceThickness": 2.5,
    "SpacingBetweenSlices": 2.5,
    "SAR": 0.163927,
    "EchoTime": 0.03,
    "RepetitionTime": 1,
    "FlipAngle": 90,
    "PartialFourier": 1,
    "BaseResolution": 96,
    "ShimSetting": [
        8632,
        8884,
        7216,
        173,
        -543,
        -951,
        108,
        31
    ],
    "TxRefAmp": 352.675,
    "PhaseResolution": 1,
    "ReceiveCoilName": "HeadNeck_16",
    "ReceiveCoilActiveElements": "H1U;H2L;N1U;N2L",
    "PulseSequenceDetails": "%CustomerSeq%\\cmrr_mbep2d_bold",
    "WipMemBlock": "5953e602-5efc-40e0-b47b-b0b912e30755||Sequence: ve11a/master r/5a7612f; Mar  3 2017 11:38:58 by eja",
    "RefLinesPE": 24,
    "CoilCombinationMethod": "Sum of Squares",
    "ConsistencyInfo": "N4_VE11A_LATEST_20140830",
    "MatrixCoilMode": "GRAPPA",
    "MultibandAccelerationFactor": 4,
    "PercentPhaseFOV": 100,
    "PercentSampling": 100,
    "EchoTrainLength": 47,
    "PhaseEncodingSteps": 95,
    "AcquisitionMatrixPE": 96,
    "ReconMatrixPE": 96,
    "BandwidthPerPixelPhaseEncode": 26.709,
    "ParallelReductionFactorInPlane": 2,
    "EffectiveEchoSpacing": 0.000390006,
    "DerivedVendorReportedEchoSpacing": 0.000780012,
    "TotalReadoutTime": 0.0370506,
    "PixelBandwidth": 1490,
    "DwellTime": 3.5e-06,
    "PhaseEncodingDirection": "j-",
    "SliceTiming": [
        0,
        0.5225,
        0.065,
        0.5875,
        0.13,
        0.655,
        0.1975,
        0.72,
        0.2625,
        0.785,
        0.3275,
        0.85,
        0.3925,
        0.915,
        0.4575,
        0,
        0.5225,
        0.065,
        0.5875,
        0.13,
        0.655,
        0.1975,
        0.72,
        0.2625,
        0.785,
        0.3275,
        0.85,
        0.3925,
        0.915,
        0.4575,
        0,
        0.5225,
        0.065,
        0.5875,
        0.13,
        0.655,
        0.1975,
        0.72,
        0.2625,
        0.785,
        0.3275,
        0.85,
        0.3925,
        0.915,
        0.4575,
        0,
        0.5225,
        0.065,
        0.5875,
        0.13,
        0.655,
        0.1975,
        0.72,
        0.2625,
        0.785,
        0.3275,
        0.85,
        0.3925,
        0.915,
        0.4575
    ],
    "ImageOrientationPatientDICOM": [
        0.994161,
        0.0661209,
        0.0852731,
        -0.0590641,
        0.994816,
        -0.0827801
    ],
    "ImageOrientationText": "Tra>Sag(5.2)>Cor(-4.4)",
    "InPlanePhaseEncodingDirectionDICOM": "COL",
    "BidsGuess": [
        "func",
        "_acq-epfid2p2m4_dir-AP_run-5_bold"
    ],
    "ConversionSoftware": "dcm2niix",
    "ConversionSoftwareVersion": "v1.0.20240202",
    "TaskName": "rest"
}