{
	"Modality": "MR",
	"MagneticFieldStrength": 3,
	"ImagingFrequency": 123.260396,
	"Manufacturer": "Siemens",
	"ManufacturersModelName": "Skyra",
	"InstitutionName": "Azienda Ospedaliera San Giovanni",
	"InstitutionalDepartmentName": "Department",
	"InstitutionAddress": "Via san Leonardo StreetNo,Salerno,District,IT,84100",
	"DeviceSerialNumber": "45908",
	"StationName": "AWP45908",
	"BodyPartExamined": "HEAD",
	"PatientPosition": "HFS",
	"ProcedureStepDescription": "ENCEFALO^RICERCA",
	"SoftwareVersions": "syngo MR E11",
	"MRAcquisitionType": "2D",
	"SeriesDescription": "DTI_dir64_PA",
	"ProtocolName": "DTI_dir64_PA",
	"ScanningSequence": "EP",
	"SequenceVariant": "SK\\SS",
	"ScanOptions": "PFP\\FS",
	"SequenceName": "ep_b0",
	"ImageType": ["ORIGINAL", "PRIMARY", "DIFFUSION", "NONE", "MB", "ND"],
	"NonlinearGradientCorrection": false,
	"SeriesNumber": 29,
	"AcquisitionTime": "10:37:4.615000",
	"AcquisitionNumber": 1,
	"ImageComments": "Unaliased MB2/PE4/LB",
	"SliceThickness": 2,
	"SpacingBetweenSlices": 2,
	"SAR": 0.281277,
	"EchoTime": 0.0906,
	"RepetitionTime": 4.71,
	"FlipAngle": 90,
	"PartialFourier": 0.75,
	"BaseResolution": 128,
	"ShimSetting": [
		8648,
		8936,
		7309,
		162,
		-530,
		-786,
		-279,
		-186	],
	"DiffusionScheme": "Bipolar",
	"TxRefAmp": 345.766,
	"PhaseResolution": 1,
	"ReceiveCoilName": "HeadNeck_16",
	"ReceiveCoilActiveElements": "H1U;H2L;N1U;N2L",
	"PulseSequenceDetails": "%CustomerSeq%\\cmrr_mbep2d_diff",
	"WipMemBlock": "5f9ab314-4754-4297-b9fe-0b6ecbee2fbc||Sequence: R016 ve11a/master r/fdfe5be5; Nov 27 2017 15:52:35 by eja",
	"RefLinesPE": 24,
	"CoilCombinationMethod": "Sum of Squares",
	"ConsistencyInfo": "N4_VE11A_LATEST_20140830",
	"MatrixCoilMode": "GRAPPA",
	"MultibandAccelerationFactor": 2,
	"PercentPhaseFOV": 100,
	"PercentSampling": 100,
	"EchoTrainLength": 47,
	"PhaseEncodingSteps": 95,
	"AcquisitionMatrixPE": 128,
	"ReconMatrixPE": 128,
	"BandwidthPerPixelPhaseEncode": 20.833,
	"ParallelReductionFactorInPlane": 2,
	"EffectiveEchoSpacing": 0.000375006,
	"DerivedVendorReportedEchoSpacing": 0.000750012,
	"TotalReadoutTime": 0.0476258,
	"PixelBandwidth": 1500,
	"DwellTime": 2.6e-06,
	"PhaseEncodingDirection": "j",
	"SliceTiming": [
		0,
		2.21094,
		4.42969,
		1.95312,
		4.16406,
		1.69531,
		3.90625,
		1.42969,
		3.64844,
		1.17188,
		3.38281,
		0.91406,
		3.125,
		0.64844,
		2.86719,
		0.39062,
		2.60156,
		0.13281,
		2.34375,
		4.55469,
		2.08594,
		4.29688,
		1.82031,
		4.03906,
		1.5625,
		3.78125,
		1.30469,
		3.51562,
		1.03906,
		3.25781,
		0.78125,
		2.99219,
		0.52344,
		2.73438,
		0.25781,
		2.47656,
		0,
		2.21094,
		4.42969,
		1.95312,
		4.16406,
		1.69531,
		3.90625,
		1.42969,
		3.64844,
		1.17188,
		3.38281,
		0.91406,
		3.125,
		0.64844,
		2.86719,
		0.39062,
		2.60156,
		0.13281,
		2.34375,
		4.55469,
		2.08594,
		4.29688,
		1.82031,
		4.03906,
		1.5625,
		3.78125,
		1.30469,
		3.51562,
		1.03906,
		3.25781,
		0.78125,
		2.99219,
		0.52344,
		2.73438,
		0.25781,
		2.47656	],
	"ImageOrientationPatientDICOM": [
		0.996688,
		-0.0420666,
		0.069601,
		0.0435163,
		0.998863,
		-0.0194443	],
	"ImageOrientationText": "Tra>Sag(3.9)>Cor(-1.3)",
	"InPlanePhaseEncodingDirectionDICOM": "COL",
	"BidsGuess": ["dwi","_acq-epb0p2_dir-PA_run-29_dwi"],
	"ConversionSoftware": "dcm2niix",
	"ConversionSoftwareVersion": "v1.0.20240202"
}
