{
    "Modality": "MR",
    "MagneticFieldStrength": 3,
    "ImagingFrequency": 123.260319,
    "Manufacturer": "Siemens",
    "ManufacturersModelName": "Skyra",
    "InstitutionName": "Azienda Ospedaliera San Giovanni",
    "InstitutionalDepartmentName": "Department",
    "InstitutionAddress": "Via san Leonardo StreetNo,Salerno,District,IT,84100",
    "DeviceSerialNumber": "45908",
    "StationName": "AWP45908",
    "BodyPartExamined": "HEAD",
    "PatientPosition": "HFS",
    "ProcedureStepDescription": "ENCEFALO^RICERCA",
    "SoftwareVersions": "syngo MR E11",
    "MRAcquisitionType": "2D",
    "SeriesDescription": "RSfMRI",
    "ProtocolName": "RSfMRI",
    "ScanningSequence": "EP",
    "SequenceVariant": "SK\\SS",
    "ScanOptions": "FS",
    "SequenceName": "epfid2d1_96",
    "ImageType": [
        "ORIGINAL",
        "PRIMARY",
        "M",
        "MB",
        "ND",
        "MOSAIC"
    ],
    "NonlinearGradientCorrection": false,
    "SeriesNumber": 5,
    "AcquisitionTime": "18:56:7.530000",
    "AcquisitionNumber": 1,
    "ImageComments": "Unaliased MB4/PE4/LB",
    "SliceThickness": 2.5,
    "SpacingBetweenSlices": 2.5,
    "SAR": 0.182087,
    "EchoTime": 0.03,
    "RepetitionTime": 1,
    "FlipAngle": 90,
    "PartialFourier": 1,
    "BaseResolution": 96,
    "ShimSetting": [
        8613,
        8825,
        7348,
        65,
        -601,
        -538,
        424,
        13
    ],
    "TxRefAmp": 370.262,
    "PhaseResolution": 1,
    "ReceiveCoilName": "HeadNeck_16",
    "ReceiveCoilActiveElements": "H1U;H2L",
    "PulseSequenceDetails": "%CustomerSeq%\\cmrr_mbep2d_bold",
    "WipMemBlock": "98594b4e-e43a-4cf3-a3fc-be3a7f5ab07f||Sequence: ve11a/master r/5a7612f; Mar  3 2017 11:38:58 by eja",
    "RefLinesPE": 24,
    "CoilCombinationMethod": "Sum of Squares",
    "ConsistencyInfo": "N4_VE11A_LATEST_20140830",
    "MatrixCoilMode": "GRAPPA",
    "MultibandAccelerationFactor": 4,
    "PercentPhaseFOV": 100,
    "PercentSampling": 100,
    "EchoTrainLength": 47,
    "PhaseEncodingSteps": 95,
    "AcquisitionMatrixPE": 96,
    "ReconMatrixPE": 96,
    "BandwidthPerPixelPhaseEncode": 26.709,
    "ParallelReductionFactorInPlane": 2,
    "EffectiveEchoSpacing": 0.000390006,
    "DerivedVendorReportedEchoSpacing": 0.000780012,
    "TotalReadoutTime": 0.0370506,
    "PixelBandwidth": 1490,
    "DwellTime": 3.5e-06,
    "PhaseEncodingDirection": "j-",
    "SliceTiming": [
        0,
        0.5225,
        0.0675,
        0.59,
        0.1325,
        0.655,
        0.1975,
        0.72,
        0.2625,
        0.785,
        0.3275,
        0.85,
        0.3925,
        0.915,
        0.4575,
        0,
        0.5225,
        0.0675,
        0.59,
        0.1325,
        0.655,
        0.1975,
        0.72,
        0.2625,
        0.785,
        0.3275,
        0.85,
        0.3925,
        0.915,
        0.4575,
        0,
        0.5225,
        0.0675,
        0.59,
        0.1325,
        0.655,
        0.1975,
        0.72,
        0.2625,
        0.785,
        0.3275,
        0.85,
        0.3925,
        0.915,
        0.4575,
        0,
        0.5225,
        0.0675,
        0.59,
        0.1325,
        0.655,
        0.1975,
        0.72,
        0.2625,
        0.785,
        0.3275,
        0.85,
        0.3925,
        0.915,
        0.4575
    ],
    "ImageOrientationPatientDICOM": [
        0.998561,
        0.0399718,
        -0.0357426,
        -0.0435981,
        0.993279,
        -0.107218
    ],
    "ImageOrientationText": "Tra>Cor(-6.2)>Sag(-1.8)",
    "InPlanePhaseEncodingDirectionDICOM": "COL",
    "BidsGuess": [
        "func",
        "_acq-epfid2p2m4_dir-AP_run-5_bold"
    ],
    "ConversionSoftware": "dcm2niix",
    "ConversionSoftwareVersion": "v1.0.20240202",
    "TaskName": "rest"
}