{
	"Modality": "MR",
	"MagneticFieldStrength": 3,
	"ImagingFrequency": 123.260169,
	"Manufacturer": "Siemens",
	"ManufacturersModelName": "Skyra",
	"InstitutionName": "RM ENCEFALO",
	"InstitutionalDepartmentName": "Department",
	"InstitutionAddress": "Via san Leonardo StreetNo,Salerno,District,IT,84100",
	"DeviceSerialNumber": "45908",
	"StationName": "AWP45908",
	"BodyPartExamined": "HEAD",
	"PatientPosition": "HFS",
	"ProcedureStepDescription": "ENCEFALO^RICERCA",
	"SoftwareVersions": "syngo MR E11",
	"MRAcquisitionType": "2D",
	"SeriesDescription": "DTI_dir64",
	"ProtocolName": "DTI_dir64",
	"ScanningSequence": "EP",
	"SequenceVariant": "SK\\SS",
	"ScanOptions": "PFP\\FS",
	"SequenceName": "ep_b0",
	"ImageType": ["ORIGINAL", "PRIMARY", "DIFFUSION", "NONE", "MB", "ND", "MOSAIC"],
	"NonlinearGradientCorrection": false,
	"SeriesNumber": 23,
	"AcquisitionTime": "11:11:37.355000",
	"AcquisitionNumber": 1,
	"ImageComments": "Unaliased MB2/PE4/LB",
	"SliceThickness": 2,
	"SpacingBetweenSlices": 2,
	"SAR": 0.365951,
	"EchoTime": 0.0906,
	"RepetitionTime": 4.71,
	"FlipAngle": 90,
	"PartialFourier": 0.75,
	"BaseResolution": 128,
	"ShimSetting": [
		8630,
		8847,
		7196,
		326,
		-573,
		-647,
		106,
		37	],
	"DiffusionScheme": "Bipolar",
	"TxRefAmp": 354.669,
	"PhaseResolution": 1,
	"ReceiveCoilName": "HeadNeck_16",
	"ReceiveCoilActiveElements": "H1U;H2L",
	"PulseSequenceDetails": "%CustomerSeq%\\cmrr_mbep2d_diff",
	"WipMemBlock": "dacd7ed7-159b-426e-8ffa-981a5bf12595||Sequence: R016 ve11a/master r/fdfe5be5; Nov 27 2017 15:52:35 by eja",
	"RefLinesPE": 24,
	"CoilCombinationMethod": "Sum of Squares",
	"ConsistencyInfo": "N4_VE11A_LATEST_20140830",
	"MatrixCoilMode": "GRAPPA",
	"MultibandAccelerationFactor": 2,
	"PercentPhaseFOV": 100,
	"PercentSampling": 100,
	"EchoTrainLength": 47,
	"PhaseEncodingSteps": 95,
	"AcquisitionMatrixPE": 128,
	"ReconMatrixPE": 128,
	"BandwidthPerPixelPhaseEncode": 20.833,
	"ParallelReductionFactorInPlane": 2,
	"EffectiveEchoSpacing": 0.000375006,
	"DerivedVendorReportedEchoSpacing": 0.000750012,
	"TotalReadoutTime": 0.0476258,
	"PixelBandwidth": 1500,
	"DwellTime": 2.6e-06,
	"PhaseEncodingDirection": "j-",
	"SliceTiming": [
		0,
		2.2125,
		4.4275,
		1.9525,
		4.1675,
		1.6925,
		3.9075,
		1.4325,
		3.6475,
		1.17,
		3.385,
		0.91,
		3.125,
		0.65,
		2.865,
		0.39,
		2.605,
		0.13,
		2.3425,
		4.5575,
		2.0825,
		4.2975,
		1.8225,
		4.0375,
		1.5625,
		3.7775,
		1.3025,
		3.515,
		1.04,
		3.255,
		0.78,
		2.995,
		0.52,
		2.735,
		0.26,
		2.475,
		0,
		2.2125,
		4.4275,
		1.9525,
		4.1675,
		1.6925,
		3.9075,
		1.4325,
		3.6475,
		1.17,
		3.385,
		0.91,
		3.125,
		0.65,
		2.865,
		0.39,
		2.605,
		0.13,
		2.3425,
		4.5575,
		2.0825,
		4.2975,
		1.8225,
		4.0375,
		1.5625,
		3.7775,
		1.3025,
		3.515,
		1.04,
		3.255,
		0.78,
		2.995,
		0.52,
		2.735,
		0.26,
		2.475	],
	"ImageOrientationPatientDICOM": [
		0.998522,
		0.0543282,
		0.00155208,
		-0.0540781,
		0.990259,
		0.128306	],
	"ImageOrientationText": "Tra>Cor(7.4)>Sag(-0.3)",
	"InPlanePhaseEncodingDirectionDICOM": "COL",
	"BidsGuess": ["dwi","_acq-epb0p2m2_dir-AP_run-23_dwi"],
	"ConversionSoftware": "dcm2niix",
	"ConversionSoftwareVersion": "v1.0.20240202"
}
