{
	"Modality": "MR",
	"MagneticFieldStrength": 3,
	"ImagingFrequency": 123.260396,
	"Manufacturer": "Siemens",
	"ManufacturersModelName": "Skyra",
	"InstitutionName": "Azienda Ospedaliera San Giovanni",
	"InstitutionalDepartmentName": "Department",
	"InstitutionAddress": "Via san Leonardo StreetNo,Salerno,District,IT,84100",
	"DeviceSerialNumber": "45908",
	"StationName": "AWP45908",
	"BodyPartExamined": "HEAD",
	"PatientPosition": "HFS",
	"ProcedureStepDescription": "ENCEFALO^RICERCA",
	"SoftwareVersions": "syngo MR E11",
	"MRAcquisitionType": "2D",
	"SeriesDescription": "DTI_dir64_PA",
	"ProtocolName": "DTI_dir64_PA",
	"ScanningSequence": "EP",
	"SequenceVariant": "SK\\SS",
	"ScanOptions": "PFP\\FS",
	"SequenceName": "ep_b0",
	"ImageType": ["ORIGINAL", "PRIMARY", "DIFFUSION", "NONE", "MB", "ND"],
	"NonlinearGradientCorrection": false,
	"SeriesNumber": 29,
	"AcquisitionTime": "11:07:9.682500",
	"AcquisitionNumber": 1,
	"ImageComments": "Unaliased MB2/PE4/LB",
	"SliceThickness": 2,
	"SpacingBetweenSlices": 2,
	"SAR": 0.275959,
	"EchoTime": 0.0906,
	"RepetitionTime": 4.71,
	"FlipAngle": 90,
	"PartialFourier": 0.75,
	"BaseResolution": 128,
	"ShimSetting": [
		8619,
		8746,
		7286,
		368,
		-739,
		-607,
		432,
		38	],
	"DiffusionScheme": "Bipolar",
	"TxRefAmp": 333.651,
	"PhaseResolution": 1,
	"ReceiveCoilName": "HeadNeck_16",
	"ReceiveCoilActiveElements": "H1U;H2L;N1U;N2L",
	"PulseSequenceDetails": "%CustomerSeq%\\cmrr_mbep2d_diff",
	"WipMemBlock": "6d5b3125-4d9b-46d8-b83b-34132c909f7e||Sequence: ve11a/master r/5a7612f; Mar  3 2017 11:48:10 by eja",
	"RefLinesPE": 24,
	"CoilCombinationMethod": "Sum of Squares",
	"ConsistencyInfo": "N4_VE11A_LATEST_20140830",
	"MatrixCoilMode": "GRAPPA",
	"MultibandAccelerationFactor": 2,
	"PercentPhaseFOV": 100,
	"PercentSampling": 100,
	"EchoTrainLength": 47,
	"PhaseEncodingSteps": 95,
	"AcquisitionMatrixPE": 128,
	"ReconMatrixPE": 128,
	"BandwidthPerPixelPhaseEncode": 20.833,
	"ParallelReductionFactorInPlane": 2,
	"EffectiveEchoSpacing": 0.000375006,
	"DerivedVendorReportedEchoSpacing": 0.000750012,
	"TotalReadoutTime": 0.0476258,
	"PixelBandwidth": 1500,
	"DwellTime": 2.6e-06,
	"PhaseEncodingDirection": "j",
	"SliceTiming": [
		0,
		2.21875,
		4.42969,
		1.96094,
		4.17188,
		1.69531,
		3.91406,
		1.4375,
		3.64844,
		1.17188,
		3.39062,
		0.91406,
		3.13281,
		0.65625,
		2.86719,
		0.39062,
		2.60938,
		0.13281,
		2.35156,
		4.5625,
		2.08594,
		4.30469,
		1.82812,
		4.03906,
		1.5625,
		3.78125,
		1.30469,
		3.52344,
		1.04688,
		3.25781,
		0.78906,
		3,
		0.52344,
		2.73438,
		0.26562,
		2.47656,
		0,
		2.21875,
		4.42969,
		1.96094,
		4.17188,
		1.69531,
		3.91406,
		1.4375,
		3.64844,
		1.17188,
		3.39062,
		0.91406,
		3.13281,
		0.65625,
		2.86719,
		0.39062,
		2.60938,
		0.13281,
		2.35156,
		4.5625,
		2.08594,
		4.30469,
		1.82812,
		4.03906,
		1.5625,
		3.78125,
		1.30469,
		3.52344,
		1.04688,
		3.25781,
		0.78906,
		3,
		0.52344,
		2.73438,
		0.26562,
		2.47656	],
	"ImageOrientationPatientDICOM": [
		0.999436,
		0.0319317,
		0.0104227,
		-0.0331547,
		0.987575,
		0.153611	],
	"ImageOrientationText": "Tra>Cor(8.9)>Sag(0.3)",
	"InPlanePhaseEncodingDirectionDICOM": "COL",
	"BidsGuess": ["dwi","_acq-epb0p2_dir-PA_run-29_dwi"],
	"ConversionSoftware": "dcm2niix",
	"ConversionSoftwareVersion": "v1.0.20240202"
}
