{
	"Modality": "MR",
	"MagneticFieldStrength": 3,
	"ImagingFrequency": 123.260349,
	"Manufacturer": "Siemens",
	"ManufacturersModelName": "Skyra",
	"InstitutionName": "Azienda Ospedaliera San Giovanni",
	"InstitutionalDepartmentName": "Department",
	"InstitutionAddress": "Via san Leonardo StreetNo,Salerno,District,IT,84100",
	"DeviceSerialNumber": "45908",
	"StationName": "AWP45908",
	"BodyPartExamined": "HEAD",
	"PatientPosition": "HFS",
	"ProcedureStepDescription": "ENCEFALO^RICERCA",
	"SoftwareVersions": "syngo MR E11",
	"MRAcquisitionType": "2D",
	"SeriesDescription": "DTI_dir64_PA",
	"ProtocolName": "DTI_dir64_PA",
	"ScanningSequence": "EP",
	"SequenceVariant": "SK\\SS",
	"ScanOptions": "PFP\\FS",
	"SequenceName": "ep_b0",
	"ImageType": ["ORIGINAL", "PRIMARY", "DIFFUSION", "NONE", "MB", "ND"],
	"NonlinearGradientCorrection": false,
	"SeriesNumber": 29,
	"AcquisitionTime": "18:32:0.652500",
	"AcquisitionNumber": 1,
	"ImageComments": "Unaliased MB2/PE4/LB",
	"SliceThickness": 2,
	"SpacingBetweenSlices": 2,
	"SAR": 0.260413,
	"EchoTime": 0.0906,
	"RepetitionTime": 4.71,
	"FlipAngle": 90,
	"PartialFourier": 0.75,
	"BaseResolution": 128,
	"ShimSetting": [
		8615,
		8878,
		7304,
		243,
		-736,
		-761,
		-24,
		39	],
	"DiffusionScheme": "Bipolar",
	"TxRefAmp": 363.536,
	"PhaseResolution": 1,
	"ReceiveCoilName": "HeadNeck_16",
	"ReceiveCoilActiveElements": "H1U;H2L",
	"PulseSequenceDetails": "%CustomerSeq%\\cmrr_mbep2d_diff",
	"WipMemBlock": "1c93a351-58f8-4e80-b2e2-0fe3de046fa1||Sequence: ve11a/master r/5a7612f; Mar  3 2017 11:48:10 by eja",
	"RefLinesPE": 24,
	"CoilCombinationMethod": "Sum of Squares",
	"ConsistencyInfo": "N4_VE11A_LATEST_20140830",
	"MatrixCoilMode": "GRAPPA",
	"MultibandAccelerationFactor": 2,
	"PercentPhaseFOV": 100,
	"PercentSampling": 100,
	"EchoTrainLength": 47,
	"PhaseEncodingSteps": 95,
	"AcquisitionMatrixPE": 128,
	"ReconMatrixPE": 128,
	"BandwidthPerPixelPhaseEncode": 20.833,
	"ParallelReductionFactorInPlane": 2,
	"EffectiveEchoSpacing": 0.000375006,
	"DerivedVendorReportedEchoSpacing": 0.000750012,
	"TotalReadoutTime": 0.0476258,
	"PixelBandwidth": 1500,
	"DwellTime": 2.6e-06,
	"PhaseEncodingDirection": "j",
	"SliceTiming": [
		0,
		2.20312,
		4.42188,
		1.95312,
		4.15625,
		1.6875,
		3.90625,
		1.42188,
		3.64062,
		1.17188,
		3.375,
		0.90625,
		3.125,
		0.64062,
		2.85938,
		0.39062,
		2.59375,
		0.125,
		2.34375,
		4.54688,
		2.07812,
		4.29688,
		1.8125,
		4.03125,
		1.5625,
		3.78125,
		1.29688,
		3.51562,
		1.03125,
		3.25,
		0.78125,
		2.98438,
		0.51562,
		2.73438,
		0.25,
		2.46875,
		0,
		2.20312,
		4.42188,
		1.95312,
		4.15625,
		1.6875,
		3.90625,
		1.42188,
		3.64062,
		1.17188,
		3.375,
		0.90625,
		3.125,
		0.64062,
		2.85938,
		0.39062,
		2.59375,
		0.125,
		2.34375,
		4.54688,
		2.07812,
		4.29688,
		1.8125,
		4.03125,
		1.5625,
		3.78125,
		1.29688,
		3.51562,
		1.03125,
		3.25,
		0.78125,
		2.98438,
		0.51562,
		2.73438,
		0.25,
		2.46875	],
	"ImageOrientationPatientDICOM": [
		0.998817,
		0.0212493,
		0.0437456,
		-0.013947,
		0.986868,
		-0.160925	],
	"ImageOrientationText": "Tra>Cor(-9.2)>Sag(2.7)",
	"InPlanePhaseEncodingDirectionDICOM": "COL",
	"BidsGuess": ["dwi","_acq-epb0p2_dir-PA_run-29_dwi"],
	"ConversionSoftware": "dcm2niix",
	"ConversionSoftwareVersion": "v1.0.20240202"
}
