{
	"Modality": "MR",
	"MagneticFieldStrength": 3,
	"ImagingFrequency": 123.260268,
	"Manufacturer": "Siemens",
	"ManufacturersModelName": "Skyra",
	"InstitutionName": "Azienda Ospedaliera San Giovanni",
	"InstitutionalDepartmentName": "Department",
	"InstitutionAddress": "Via san Leonardo StreetNo,Salerno,District,IT,84100",
	"DeviceSerialNumber": "45908",
	"StationName": "AWP45908",
	"BodyPartExamined": "HEAD",
	"PatientPosition": "HFS",
	"ProcedureStepDescription": "ENCEFALO^RICERCA",
	"SoftwareVersions": "syngo MR E11",
	"MRAcquisitionType": "2D",
	"SeriesDescription": "DTI_dir64",
	"ProtocolName": "DTI_dir64",
	"ScanningSequence": "EP",
	"SequenceVariant": "SK\\SS",
	"ScanOptions": "PFP\\FS",
	"SequenceName": "ep_b0",
	"ImageType": ["ORIGINAL", "PRIMARY", "DIFFUSION", "NONE", "MB", "ND", "MOSAIC"],
	"NonlinearGradientCorrection": false,
	"SeriesNumber": 23,
	"AcquisitionTime": "10:35:33.780000",
	"AcquisitionNumber": 1,
	"ImageComments": "Unaliased MB2/PE4/LB",
	"SliceThickness": 2,
	"SpacingBetweenSlices": 2,
	"SAR": 0.392223,
	"EchoTime": 0.0906,
	"RepetitionTime": 4.71,
	"FlipAngle": 90,
	"PartialFourier": 0.75,
	"BaseResolution": 128,
	"ShimSetting": [
		8700,
		8951,
		7217,
		207,
		-495,
		-540,
		238,
		-193	],
	"DiffusionScheme": "Bipolar",
	"TxRefAmp": 375.667,
	"PhaseResolution": 1,
	"ReceiveCoilName": "HeadNeck_16",
	"ReceiveCoilActiveElements": "H1U;H2L;N1U;N2L",
	"PulseSequenceDetails": "%CustomerSeq%\\cmrr_mbep2d_diff",
	"WipMemBlock": "64463d11-2593-4534-be78-1cdea58b0511||Sequence: R016 ve11a/master r/fdfe5be5; Nov 27 2017 15:52:35 by eja",
	"RefLinesPE": 24,
	"CoilCombinationMethod": "Sum of Squares",
	"ConsistencyInfo": "N4_VE11A_LATEST_20140830",
	"MatrixCoilMode": "GRAPPA",
	"MultibandAccelerationFactor": 2,
	"PercentPhaseFOV": 100,
	"PercentSampling": 100,
	"EchoTrainLength": 47,
	"PhaseEncodingSteps": 95,
	"AcquisitionMatrixPE": 128,
	"ReconMatrixPE": 128,
	"BandwidthPerPixelPhaseEncode": 20.833,
	"ParallelReductionFactorInPlane": 2,
	"EffectiveEchoSpacing": 0.000375006,
	"DerivedVendorReportedEchoSpacing": 0.000750012,
	"TotalReadoutTime": 0.0476258,
	"PixelBandwidth": 1500,
	"DwellTime": 2.6e-06,
	"PhaseEncodingDirection": "j-",
	"SliceTiming": [
		0,
		2.215,
		4.43,
		1.9525,
		4.1675,
		1.6925,
		3.9075,
		1.4325,
		3.6475,
		1.1725,
		3.3875,
		0.9125,
		3.125,
		0.65,
		2.865,
		0.39,
		2.605,
		0.13,
		2.345,
		4.56,
		2.085,
		4.2975,
		1.8225,
		4.0375,
		1.5625,
		3.7775,
		1.3025,
		3.5175,
		1.0425,
		3.2575,
		0.7825,
		2.995,
		0.52,
		2.735,
		0.26,
		2.475,
		0,
		2.215,
		4.43,
		1.9525,
		4.1675,
		1.6925,
		3.9075,
		1.4325,
		3.6475,
		1.1725,
		3.3875,
		0.9125,
		3.125,
		0.65,
		2.865,
		0.39,
		2.605,
		0.13,
		2.345,
		4.56,
		2.085,
		4.2975,
		1.8225,
		4.0375,
		1.5625,
		3.7775,
		1.3025,
		3.5175,
		1.0425,
		3.2575,
		0.7825,
		2.995,
		0.52,
		2.735,
		0.26,
		2.475	],
	"ImageOrientationPatientDICOM": [
		0.989118,
		-0.0672318,
		0.130863,
		0.10396,
		0.948783,
		-0.298332	],
	"ImageOrientationText": "Tra>Cor(-18.1)>Sag(6.0)",
	"InPlanePhaseEncodingDirectionDICOM": "COL",
	"BidsGuess": ["dwi","_acq-epb0p2m2_dir-AP_run-23_dwi"],
	"ConversionSoftware": "dcm2niix",
	"ConversionSoftwareVersion": "v1.0.20240202"
}
