{
	"Modality": "MR",
	"MagneticFieldStrength": 3,
	"ImagingFrequency": 123.26031,
	"Manufacturer": "Siemens",
	"ManufacturersModelName": "Skyra",
	"InstitutionName": "Azienda Ospedaliera San Giovanni",
	"InstitutionalDepartmentName": "Department",
	"InstitutionAddress": "Via san Leonardo StreetNo,Salerno,District,IT,84100",
	"DeviceSerialNumber": "45908",
	"StationName": "AWP45908",
	"BodyPartExamined": "HEAD",
	"PatientPosition": "HFS",
	"ProcedureStepDescription": "ENCEFALO^RICERCA",
	"SoftwareVersions": "syngo MR E11",
	"MRAcquisitionType": "2D",
	"SeriesDescription": "DTI_dir64_PA",
	"ProtocolName": "DTI_dir64_PA",
	"ScanningSequence": "EP",
	"SequenceVariant": "SK\\SS",
	"ScanOptions": "PFP\\FS",
	"SequenceName": "ep_b0",
	"ImageType": ["ORIGINAL", "PRIMARY", "DIFFUSION", "NONE", "MB", "ND"],
	"NonlinearGradientCorrection": false,
	"SeriesNumber": 29,
	"AcquisitionTime": "09:46:53.655000",
	"AcquisitionNumber": 1,
	"ImageComments": "Unaliased MB2/PE4/LB",
	"SliceThickness": 2,
	"SpacingBetweenSlices": 2,
	"SAR": 0.267372,
	"EchoTime": 0.0906,
	"RepetitionTime": 4.71,
	"FlipAngle": 90,
	"PartialFourier": 0.75,
	"BaseResolution": 128,
	"ShimSetting": [
		8693,
		8793,
		7301,
		229,
		-689,
		-412,
		335,
		-26	],
	"DiffusionScheme": "Bipolar",
	"TxRefAmp": 340.06,
	"PhaseResolution": 1,
	"ReceiveCoilName": "HeadNeck_16",
	"ReceiveCoilActiveElements": "H1U;H2L;N1U;N2L",
	"PulseSequenceDetails": "%CustomerSeq%\\cmrr_mbep2d_diff",
	"WipMemBlock": "33a2e2f0-5fc8-4f0d-9ed4-7724ed074dcd||Sequence: R016 ve11a/master r/fdfe5be5; Nov 27 2017 15:52:35 by eja",
	"RefLinesPE": 24,
	"CoilCombinationMethod": "Sum of Squares",
	"ConsistencyInfo": "N4_VE11A_LATEST_20140830",
	"MatrixCoilMode": "GRAPPA",
	"MultibandAccelerationFactor": 2,
	"PercentPhaseFOV": 100,
	"PercentSampling": 100,
	"EchoTrainLength": 47,
	"PhaseEncodingSteps": 95,
	"AcquisitionMatrixPE": 128,
	"ReconMatrixPE": 128,
	"BandwidthPerPixelPhaseEncode": 20.833,
	"ParallelReductionFactorInPlane": 2,
	"EffectiveEchoSpacing": 0.000375006,
	"DerivedVendorReportedEchoSpacing": 0.000750012,
	"TotalReadoutTime": 0.0476258,
	"PixelBandwidth": 1500,
	"DwellTime": 2.6e-06,
	"PhaseEncodingDirection": "j",
	"SliceTiming": [
		0,
		2.21094,
		4.42969,
		1.95312,
		4.17188,
		1.69531,
		3.90625,
		1.4375,
		3.64844,
		1.17188,
		3.38281,
		0.91406,
		3.125,
		0.64844,
		2.86719,
		0.39062,
		2.60156,
		0.125,
		2.34375,
		4.5625,
		2.08594,
		4.29688,
		1.82031,
		4.03906,
		1.5625,
		3.77344,
		1.30469,
		3.51562,
		1.03906,
		3.25781,
		0.78125,
		3,
		0.52344,
		2.73438,
		0.25781,
		2.47656,
		0,
		2.21094,
		4.42969,
		1.95312,
		4.17188,
		1.69531,
		3.90625,
		1.4375,
		3.64844,
		1.17188,
		3.38281,
		0.91406,
		3.125,
		0.64844,
		2.86719,
		0.39062,
		2.60156,
		0.125,
		2.34375,
		4.5625,
		2.08594,
		4.29688,
		1.82031,
		4.03906,
		1.5625,
		3.77344,
		1.30469,
		3.51562,
		1.03906,
		3.25781,
		0.78125,
		3,
		0.52344,
		2.73438,
		0.25781,
		2.47656	],
	"ImageOrientationPatientDICOM": [
		0.99164,
		-0.046475,
		0.120372,
		0.032896,
		0.993114,
		0.112434	],
	"ImageOrientationText": "Tra>Sag(7.2)>Cor(6.2)",
	"InPlanePhaseEncodingDirectionDICOM": "COL",
	"BidsGuess": ["dwi","_acq-epb0p2_dir-PA_run-29_dwi"],
	"ConversionSoftware": "dcm2niix",
	"ConversionSoftwareVersion": "v1.0.20240202"
}
