{
	"Modality": "MR",
	"MagneticFieldStrength": 3,
	"ImagingFrequency": 123.260376,
	"Manufacturer": "Siemens",
	"ManufacturersModelName": "Skyra",
	"InstitutionName": "Azienda Ospedaliera San Giovanni",
	"InstitutionalDepartmentName": "Department",
	"InstitutionAddress": "Via san Leonardo StreetNo,Salerno,District,IT,84100",
	"DeviceSerialNumber": "45908",
	"StationName": "AWP45908",
	"BodyPartExamined": "HEAD",
	"PatientPosition": "HFS",
	"ProcedureStepDescription": "ENCEFALO^RICERCA",
	"SoftwareVersions": "syngo MR E11",
	"MRAcquisitionType": "2D",
	"SeriesDescription": "DTI_dir64",
	"ProtocolName": "DTI_dir64",
	"ScanningSequence": "EP",
	"SequenceVariant": "SK\\SS",
	"ScanOptions": "PFP\\FS",
	"SequenceName": "ep_b0",
	"ImageType": ["ORIGINAL", "PRIMARY", "DIFFUSION", "NONE", "MB", "ND", "MOSAIC"],
	"NonlinearGradientCorrection": false,
	"SeriesNumber": 23,
	"AcquisitionTime": "16:56:57.765000",
	"AcquisitionNumber": 1,
	"ImageComments": "Unaliased MB2/PE4/LB",
	"SliceThickness": 2,
	"SpacingBetweenSlices": 2,
	"SAR": 0.342654,
	"EchoTime": 0.0906,
	"RepetitionTime": 4.71,
	"FlipAngle": 90,
	"PartialFourier": 0.75,
	"BaseResolution": 128,
	"ShimSetting": [
		8582,
		8962,
		7208,
		393,
		-538,
		-943,
		263,
		70	],
	"DiffusionScheme": "Bipolar",
	"TxRefAmp": 334.034,
	"PhaseResolution": 1,
	"ReceiveCoilName": "HeadNeck_16",
	"ReceiveCoilActiveElements": "H1U;H2L;N1U;N2L",
	"PulseSequenceDetails": "%CustomerSeq%\\cmrr_mbep2d_diff",
	"WipMemBlock": "02babad7-b94d-4507-ba8c-634b8470ba87||Sequence: ve11a/master r/fabf655; Jul 21 2016 13:03:13 by eja",
	"RefLinesPE": 24,
	"CoilCombinationMethod": "Sum of Squares",
	"ConsistencyInfo": "N4_VE11A_LATEST_20140830",
	"MatrixCoilMode": "GRAPPA",
	"MultibandAccelerationFactor": 2,
	"PercentPhaseFOV": 100,
	"PercentSampling": 100,
	"EchoTrainLength": 47,
	"PhaseEncodingSteps": 95,
	"AcquisitionMatrixPE": 128,
	"ReconMatrixPE": 128,
	"BandwidthPerPixelPhaseEncode": 20.833,
	"ParallelReductionFactorInPlane": 2,
	"EffectiveEchoSpacing": 0.000375006,
	"DerivedVendorReportedEchoSpacing": 0.000750012,
	"TotalReadoutTime": 0.0476258,
	"PixelBandwidth": 1500,
	"DwellTime": 2.6e-06,
	"PhaseEncodingDirection": "j-",
	"SliceTiming": [
		0,
		2.215,
		4.43,
		1.955,
		4.1675,
		1.6925,
		3.9075,
		1.4325,
		3.6475,
		1.1725,
		3.3875,
		0.9125,
		3.1275,
		0.6525,
		2.865,
		0.39,
		2.605,
		0.13,
		2.345,
		4.56,
		2.085,
		4.3,
		1.8225,
		4.0375,
		1.5625,
		3.7775,
		1.3025,
		3.5175,
		1.0425,
		3.2575,
		0.7825,
		2.995,
		0.52,
		2.735,
		0.26,
		2.475,
		0,
		2.215,
		4.43,
		1.955,
		4.1675,
		1.6925,
		3.9075,
		1.4325,
		3.6475,
		1.1725,
		3.3875,
		0.9125,
		3.1275,
		0.6525,
		2.865,
		0.39,
		2.605,
		0.13,
		2.345,
		4.56,
		2.085,
		4.3,
		1.8225,
		4.0375,
		1.5625,
		3.7775,
		1.3025,
		3.5175,
		1.0425,
		3.2575,
		0.7825,
		2.995,
		0.52,
		2.735,
		0.26,
		2.475	],
	"ImageOrientationPatientDICOM": [
		0.998253,
		0.0590098,
		0.00298409,
		-0.0540635,
		0.93262,
		-0.356787	],
	"ImageOrientationText": "Tra>Cor(-20.9)>Sag(1.4)",
	"InPlanePhaseEncodingDirectionDICOM": "COL",
	"BidsGuess": ["dwi","_acq-epb0p2m2_dir-AP_run-23_dwi"],
	"ConversionSoftware": "dcm2niix",
	"ConversionSoftwareVersion": "v1.0.20240202"
}
